FRAMEWORK: >= NET45
NUGET
  remote: http://www.nuget.org/api/v2
    Gu.Wpf.ToolTips (0.2.0.1)
    System.Reactive (3.1.1)
      System.Reactive.PlatformServices (>= 3.1.1)
      System.Reactive.Windows.Threading (>= 3.1.1)
    System.Reactive.Core (3.1.1)
      System.Reactive.Interfaces (>= 3.1.1)
    System.Reactive.Interfaces (3.1.1)
    System.Reactive.Linq (3.1.1)
      System.Reactive.Core (>= 3.1.1)
    System.Reactive.PlatformServices (3.1.1)
      System.Reactive.Linq (>= 3.1.1)
    System.Reactive.Windows.Threading (3.1.1)
      System.Reactive.Core (>= 3.1.1)

GROUP Analyzers
NUGET
  remote: http://www.nuget.org/api/v2
    Gu.Analyzers (0.1.11.25-dev)
    JetBrains.Annotations (10.4)
      System.Runtime (>= 4.1) - framework: >= netstandard10
    Microsoft.NETCore.Platforms (1.1) - framework: netstandard10, netstandard12, netstandard13, >= netstandard15
    Microsoft.NETCore.Targets (1.1) - framework: netstandard10, netstandard12, netstandard13, >= netstandard15
    StyleCop.Analyzers (1.0)
    System.Runtime (4.3) - framework: >= netstandard10
      Microsoft.NETCore.Platforms (>= 1.1) - framework: dnxcore50, netstandard10, netstandard12, netstandard13, >= netstandard15
      Microsoft.NETCore.Targets (>= 1.1) - framework: dnxcore50, netstandard10, netstandard12, netstandard13, >= netstandard15
    WpfAnalyzers (0.2.7.10)

GROUP Benchmark
FRAMEWORK: NET461
NUGET
  remote: http://www.nuget.org/api/v2
    BenchmarkDotNet (0.10.6)
      BenchmarkDotNet.Core (>= 0.10.6)
      BenchmarkDotNet.Toolchains.Roslyn (>= 0.10.6)
    BenchmarkDotNet.Core (0.10.6)
      Microsoft.DotNet.InternalAbstractions (>= 1.0)
      Microsoft.DotNet.PlatformAbstractions (>= 1.1.1)
      System.Threading.Tasks.Extensions (>= 4.3)
      System.ValueTuple (>= 4.3)
    BenchmarkDotNet.Diagnostics.Windows (0.10.6)
      BenchmarkDotNet (>= 0.10.6)
      Microsoft.Diagnostics.Tracing.TraceEvent (>= 1.0.41)
    BenchmarkDotNet.Toolchains.Roslyn (0.10.6)
      BenchmarkDotNet.Core (>= 0.10.6)
      Microsoft.CodeAnalysis.CSharp (>= 2.0)
      System.Threading.Tasks (>= 4.3)
    Microsoft.CodeAnalysis.Analyzers (1.1)
    Microsoft.CodeAnalysis.Common (2.1)
      Microsoft.CodeAnalysis.Analyzers (>= 1.1)
      System.AppContext (>= 4.3)
      System.Collections (>= 4.3)
      System.Collections.Concurrent (>= 4.3)
      System.Collections.Immutable (>= 1.3.1)
      System.Console (>= 4.3)
      System.Diagnostics.Debug (>= 4.3)
      System.Diagnostics.FileVersionInfo (>= 4.3)
      System.Diagnostics.StackTrace (>= 4.3)
      System.Diagnostics.Tools (>= 4.3)
      System.Dynamic.Runtime (>= 4.3)
      System.Globalization (>= 4.3)
      System.IO.Compression (>= 4.3)
      System.IO.FileSystem (>= 4.3)
      System.IO.FileSystem.Primitives (>= 4.3)
      System.Linq (>= 4.3)
      System.Linq.Expressions (>= 4.3)
      System.Reflection (>= 4.3)
      System.Reflection.Metadata (>= 1.4.2)
      System.Resources.ResourceManager (>= 4.3)
      System.Runtime (>= 4.3)
      System.Runtime.Extensions (>= 4.3)
      System.Runtime.InteropServices (>= 4.3)
      System.Runtime.Numerics (>= 4.3)
      System.Security.Cryptography.Algorithms (>= 4.3)
      System.Security.Cryptography.Encoding (>= 4.3)
      System.Security.Cryptography.X509Certificates (>= 4.3)
      System.Text.Encoding (>= 4.3)
      System.Text.Encoding.CodePages (>= 4.3)
      System.Text.Encoding.Extensions (>= 4.3)
      System.Threading (>= 4.3)
      System.Threading.Tasks (>= 4.3)
      System.Threading.Tasks.Parallel (>= 4.3)
      System.Threading.Thread (>= 4.3)
      System.ValueTuple (>= 4.3)
      System.Xml.ReaderWriter (>= 4.3)
      System.Xml.XDocument (>= 4.3)
      System.Xml.XmlDocument (>= 4.3)
      System.Xml.XPath.XDocument (>= 4.3)
    Microsoft.CodeAnalysis.CSharp (2.1)
      Microsoft.CodeAnalysis.Common (2.1)
    Microsoft.Diagnostics.Tracing.TraceEvent (1.0.41)
    Microsoft.DotNet.InternalAbstractions (1.0)
    Microsoft.DotNet.PlatformAbstractions (1.1.2)
    System.AppContext (4.3)
    System.Collections (4.3)
    System.Collections.Concurrent (4.3)
    System.Collections.Immutable (1.3.1)
    System.Console (4.3)
    System.Diagnostics.Debug (4.3)
    System.Diagnostics.FileVersionInfo (4.3)
    System.Diagnostics.StackTrace (4.3)
    System.Diagnostics.Tools (4.3)
    System.Dynamic.Runtime (4.3)
    System.Globalization (4.3)
    System.IO.Compression (4.3)
    System.IO.FileSystem (4.3)
      System.IO.FileSystem.Primitives (>= 4.3)
    System.IO.FileSystem.Primitives (4.3)
    System.Linq (4.3)
    System.Linq.Expressions (4.3)
    System.Reflection (4.3)
    System.Reflection.Metadata (1.4.2)
      System.Collections.Immutable (>= 1.3.1)
    System.Resources.ResourceManager (4.3)
    System.Runtime (4.3)
    System.Runtime.Extensions (4.3)
    System.Runtime.InteropServices (4.3)
    System.Runtime.Numerics (4.3)
    System.Security.Cryptography.Algorithms (4.3)
      System.Security.Cryptography.Primitives (>= 4.3)
    System.Security.Cryptography.Encoding (4.3)
    System.Security.Cryptography.Primitives (4.3)
    System.Security.Cryptography.X509Certificates (4.3)
      System.Security.Cryptography.Algorithms (>= 4.3)
      System.Security.Cryptography.Encoding (>= 4.3)
    System.Text.Encoding (4.3)
    System.Text.Encoding.CodePages (4.3)
    System.Text.Encoding.Extensions (4.3)
    System.Threading (4.3)
    System.Threading.Tasks (4.3)
    System.Threading.Tasks.Extensions (4.3)
    System.Threading.Tasks.Parallel (4.3)
    System.Threading.Thread (4.3)
    System.ValueTuple (4.3.1)
    System.Xml.ReaderWriter (4.3)
    System.Xml.XDocument (4.3)
    System.Xml.XmlDocument (4.3)
    System.Xml.XPath (4.3)
    System.Xml.XPath.XDocument (4.3)
      System.Xml.XPath (>= 4.3)

GROUP Roslyn
REDIRECTS: ON
FRAMEWORK: NETSTANDARD13, NET461
NUGET
  remote: http://www.nuget.org/api/v2
    Gu.Roslyn.Asserts (0.1.3-dev) - framework: net461, netstandard13
      Microsoft.CodeAnalysis.CSharp.Workspaces (2.1) - framework: net461, netstandard13
    ManagedEsent (1.9.4) - framework: net461
    Microsoft.CodeAnalysis.Analyzers (1.1) - framework: net461, netstandard13
    Microsoft.CodeAnalysis.Common (2.1) - framework: net461, netstandard13
      Microsoft.CodeAnalysis.Analyzers (>= 1.1) - framework: net461, netstandard13
      System.AppContext (>= 4.3) - framework: net461, netstandard13
      System.Collections (>= 4.3) - framework: net461, netstandard13
      System.Collections.Concurrent (>= 4.3) - framework: net461, netstandard13
      System.Collections.Immutable (>= 1.3.1) - framework: net461, netstandard13
      System.Console (>= 4.3) - framework: net461, netstandard13
      System.Diagnostics.Debug (>= 4.3) - framework: net461, netstandard13
      System.Diagnostics.FileVersionInfo (>= 4.3) - framework: net461, netstandard13
      System.Diagnostics.StackTrace (>= 4.3) - framework: net461, netstandard13
      System.Diagnostics.Tools (>= 4.3) - framework: net461, netstandard13
      System.Dynamic.Runtime (>= 4.3) - framework: net461, netstandard13
      System.Globalization (>= 4.3) - framework: net461, netstandard13
      System.IO.Compression (>= 4.3) - framework: net461, netstandard13
      System.IO.FileSystem (>= 4.3) - framework: net461, netstandard13
      System.IO.FileSystem.Primitives (>= 4.3) - framework: net461, netstandard13
      System.Linq (>= 4.3) - framework: net461, netstandard13
      System.Linq.Expressions (>= 4.3) - framework: net461, netstandard13
      System.Reflection (>= 4.3) - framework: net461, netstandard13
      System.Reflection.Metadata (>= 1.4.2) - framework: net461, netstandard13
      System.Resources.ResourceManager (>= 4.3) - framework: net461, netstandard13
      System.Runtime (>= 4.3) - framework: net461, netstandard13
      System.Runtime.Extensions (>= 4.3) - framework: net461, netstandard13
      System.Runtime.InteropServices (>= 4.3) - framework: net461, netstandard13
      System.Runtime.Numerics (>= 4.3) - framework: net461, netstandard13
      System.Security.Cryptography.Algorithms (>= 4.3) - framework: net461, netstandard13
      System.Security.Cryptography.Encoding (>= 4.3) - framework: net461, netstandard13
      System.Security.Cryptography.X509Certificates (>= 4.3) - framework: net461, netstandard13
      System.Text.Encoding (>= 4.3) - framework: net461, netstandard13
      System.Text.Encoding.CodePages (>= 4.3) - framework: net461, netstandard13
      System.Text.Encoding.Extensions (>= 4.3) - framework: net461, netstandard13
      System.Threading (>= 4.3) - framework: net461, netstandard13
      System.Threading.Tasks (>= 4.3) - framework: net461, netstandard13
      System.Threading.Tasks.Parallel (>= 4.3) - framework: net461, netstandard13
      System.Threading.Thread (>= 4.3) - framework: net461, netstandard13
      System.ValueTuple (>= 4.3) - framework: net461, netstandard13
      System.Xml.ReaderWriter (>= 4.3) - framework: net461, netstandard13
      System.Xml.XDocument (>= 4.3) - framework: net461, netstandard13
      System.Xml.XmlDocument (>= 4.3) - framework: net461, netstandard13
      System.Xml.XPath.XDocument (>= 4.3) - framework: net461, netstandard13
    Microsoft.CodeAnalysis.CSharp (2.1) - framework: net461, netstandard13
      Microsoft.CodeAnalysis.Common (2.1) - framework: net461, netstandard13
    Microsoft.CodeAnalysis.CSharp.Workspaces (2.1) - framework: net461, netstandard13
      Microsoft.CodeAnalysis.CSharp (2.1) - framework: net461, netstandard13
      Microsoft.CodeAnalysis.Workspaces.Common (2.1) - framework: net461, netstandard13
    Microsoft.CodeAnalysis.Elfie (0.10.6) - framework: net461, netstandard13
    Microsoft.CodeAnalysis.Workspaces.Common (2.1) - framework: net461, netstandard13
      ManagedEsent (>= 1.9.4) - framework: net461
      Microsoft.CodeAnalysis.Common (2.1) - framework: net461, netstandard13
      Microsoft.CodeAnalysis.Elfie (>= 0.10.6) - framework: net461
      Microsoft.Composition (>= 1.0.27) - framework: net461, netstandard13
      System.Diagnostics.Contracts (>= 4.3) - framework: netstandard13
      System.Linq.Parallel (>= 4.3) - framework: netstandard13
      System.ObjectModel (>= 4.3) - framework: netstandard13
      System.Text.RegularExpressions (>= 4.3) - framework: netstandard13
      System.Threading.Tasks.Parallel (>= 4.3) - framework: netstandard13
    Microsoft.Composition (1.0.30) - framework: net461, netstandard13
    Microsoft.Composition.Analyzers (1.2.0-beta2) - framework: net461, netstandard13
    Microsoft.NETCore.Platforms (1.1) - framework: net461, netstandard13
    Microsoft.NETCore.Targets (1.1) - framework: net461, netstandard13
    runtime.debian.8-x64.runtime.native.System.Security.Cryptography.OpenSsl (4.3.1) - framework: net461, netstandard13
    runtime.fedora.23-x64.runtime.native.System.Security.Cryptography.OpenSsl (4.3.1) - framework: net461, netstandard13
    runtime.fedora.24-x64.runtime.native.System.Security.Cryptography.OpenSsl (4.3.1) - framework: net461, netstandard13
    runtime.native.System (4.3) - framework: net461, netstandard13
      Microsoft.NETCore.Platforms (>= 1.1) - framework: net461, netstandard13
      Microsoft.NETCore.Targets (>= 1.1) - framework: net461, netstandard13
    runtime.native.System.IO.Compression (4.3) - framework: net461, netstandard13
      Microsoft.NETCore.Platforms (>= 1.1) - framework: net461, netstandard13
      Microsoft.NETCore.Targets (>= 1.1) - framework: net461, netstandard13
    runtime.native.System.Security.Cryptography.OpenSsl (4.3.1) - framework: net461, netstandard13
      runtime.debian.8-x64.runtime.native.System.Security.Cryptography.OpenSsl (>= 4.3.1) - framework: net461, netstandard13
      runtime.fedora.23-x64.runtime.native.System.Security.Cryptography.OpenSsl (>= 4.3.1) - framework: net461, netstandard13
      runtime.fedora.24-x64.runtime.native.System.Security.Cryptography.OpenSsl (>= 4.3.1) - framework: net461, netstandard13
      runtime.opensuse.13.2-x64.runtime.native.System.Security.Cryptography.OpenSsl (>= 4.3.1) - framework: net461, netstandard13
      runtime.opensuse.42.1-x64.runtime.native.System.Security.Cryptography.OpenSsl (>= 4.3.1) - framework: net461, netstandard13
      runtime.osx.10.10-x64.runtime.native.System.Security.Cryptography.OpenSsl (>= 4.3.1) - framework: net461, netstandard13
      runtime.rhel.7-x64.runtime.native.System.Security.Cryptography.OpenSsl (>= 4.3.1) - framework: net461, netstandard13
      runtime.ubuntu.14.04-x64.runtime.native.System.Security.Cryptography.OpenSsl (>= 4.3.1) - framework: net461, netstandard13
      runtime.ubuntu.16.04-x64.runtime.native.System.Security.Cryptography.OpenSsl (>= 4.3.1) - framework: net461, netstandard13
      runtime.ubuntu.16.10-x64.runtime.native.System.Security.Cryptography.OpenSsl (>= 4.3.1) - framework: net461, netstandard13
    runtime.opensuse.13.2-x64.runtime.native.System.Security.Cryptography.OpenSsl (4.3.1) - framework: net461, netstandard13
    runtime.opensuse.42.1-x64.runtime.native.System.Security.Cryptography.OpenSsl (4.3.1) - framework: net461, netstandard13
    runtime.osx.10.10-x64.runtime.native.System.Security.Cryptography.OpenSsl (4.3.1) - framework: net461, netstandard13
    runtime.rhel.7-x64.runtime.native.System.Security.Cryptography.OpenSsl (4.3.1) - framework: net461, netstandard13
    runtime.ubuntu.14.04-x64.runtime.native.System.Security.Cryptography.OpenSsl (4.3.1) - framework: net461, netstandard13
    runtime.ubuntu.16.04-x64.runtime.native.System.Security.Cryptography.OpenSsl (4.3.1) - framework: net461, netstandard13
    runtime.ubuntu.16.10-x64.runtime.native.System.Security.Cryptography.OpenSsl (4.3.1) - framework: net461, netstandard13
    System.AppContext (4.3) - framework: net461, netstandard13
      System.Runtime (>= 4.3) - framework: netstandard13
    System.Buffers (4.3) - framework: net461, netstandard13
      System.Diagnostics.Debug (>= 4.3) - framework: netstandard13
      System.Diagnostics.Tracing (>= 4.3) - framework: netstandard13
      System.Resources.ResourceManager (>= 4.3) - framework: netstandard13
      System.Runtime (>= 4.3) - framework: netstandard13
      System.Threading (>= 4.3) - framework: netstandard13
    System.Collections (4.3) - framework: net461, netstandard13
      Microsoft.NETCore.Platforms (>= 1.1) - framework: netstandard13
      Microsoft.NETCore.Targets (>= 1.1) - framework: netstandard13
      System.Runtime (>= 4.3) - framework: netstandard13
    System.Collections.Concurrent (4.3) - framework: net461, netstandard13
      System.Collections (>= 4.3) - framework: netstandard13
      System.Diagnostics.Debug (>= 4.3) - framework: netstandard13
      System.Diagnostics.Tracing (>= 4.3) - framework: netstandard13
      System.Globalization (>= 4.3) - framework: netstandard13
      System.Reflection (>= 4.3) - framework: netstandard13
      System.Resources.ResourceManager (>= 4.3) - framework: netstandard13
      System.Runtime (>= 4.3) - framework: netstandard13
      System.Runtime.Extensions (>= 4.3) - framework: netstandard13
      System.Threading (>= 4.3) - framework: netstandard13
      System.Threading.Tasks (>= 4.3) - framework: netstandard13
    System.Collections.Immutable (1.3.1) - framework: net461, netstandard13
      System.Collections (>= 4.3) - framework: netstandard13
      System.Diagnostics.Debug (>= 4.3) - framework: netstandard13
      System.Globalization (>= 4.3) - framework: netstandard13
      System.Linq (>= 4.3) - framework: netstandard13
      System.Resources.ResourceManager (>= 4.3) - framework: netstandard13
      System.Runtime (>= 4.3) - framework: netstandard13
      System.Runtime.Extensions (>= 4.3) - framework: netstandard13
      System.Threading (>= 4.3) - framework: netstandard13
    System.Console (4.3) - framework: net461, netstandard13
      Microsoft.NETCore.Platforms (>= 1.1) - framework: netstandard13
      Microsoft.NETCore.Targets (>= 1.1) - framework: netstandard13
      System.IO (>= 4.3) - framework: netstandard13
      System.Runtime (>= 4.3) - framework: netstandard13
      System.Text.Encoding (>= 4.3) - framework: netstandard13
    System.Diagnostics.Contracts (4.3) - framework: net461, netstandard13
      System.Runtime (>= 4.3) - framework: netstandard13
    System.Diagnostics.Debug (4.3) - framework: net461, netstandard13
      Microsoft.NETCore.Platforms (>= 1.1) - framework: netstandard13
      Microsoft.NETCore.Targets (>= 1.1) - framework: netstandard13
      System.Runtime (>= 4.3) - framework: netstandard13
    System.Diagnostics.FileVersionInfo (4.3) - framework: net461, netstandard13
      Microsoft.NETCore.Platforms (>= 1.1) - framework: netstandard13
      System.Globalization (>= 4.3) - framework: netstandard13
      System.IO (>= 4.3) - framework: netstandard13
      System.IO.FileSystem (>= 4.3) - framework: netstandard13
      System.IO.FileSystem.Primitives (>= 4.3) - framework: netstandard13
      System.Reflection.Metadata (>= 1.4.1) - framework: netstandard13
      System.Runtime (>= 4.3) - framework: netstandard13
      System.Runtime.Extensions (>= 4.3) - framework: netstandard13
      System.Runtime.InteropServices (>= 4.3) - framework: netstandard13
    System.Diagnostics.StackTrace (4.3) - framework: net461, netstandard13
      System.IO.FileSystem (>= 4.3) - framework: netstandard13
      System.Reflection (>= 4.3) - framework: netstandard13
      System.Reflection.Metadata (>= 1.4.1) - framework: netstandard13
      System.Runtime (>= 4.3) - framework: netstandard13
    System.Diagnostics.Tools (4.3) - framework: net461, netstandard13
      Microsoft.NETCore.Platforms (>= 1.1) - framework: netstandard13
      Microsoft.NETCore.Targets (>= 1.1) - framework: netstandard13
      System.Runtime (>= 4.3) - framework: netstandard13
    System.Diagnostics.Tracing (4.3) - framework: net461, netstandard13
      Microsoft.NETCore.Platforms (>= 1.1) - framework: netstandard13
      Microsoft.NETCore.Targets (>= 1.1) - framework: netstandard13
      System.Runtime (>= 4.3) - framework: netstandard13
    System.Dynamic.Runtime (4.3) - framework: net461, netstandard13
      System.Collections (>= 4.3) - framework: netstandard13
      System.Diagnostics.Debug (>= 4.3) - framework: netstandard13
      System.Linq (>= 4.3) - framework: netstandard13
      System.Linq.Expressions (>= 4.3) - framework: netstandard13
      System.ObjectModel (>= 4.3) - framework: netstandard13
      System.Reflection (>= 4.3) - framework: netstandard13
      System.Reflection.Emit (>= 4.3) - framework: netstandard13
      System.Reflection.Emit.ILGeneration (>= 4.3) - framework: netstandard13
      System.Reflection.Primitives (>= 4.3) - framework: netstandard13
      System.Reflection.TypeExtensions (>= 4.3) - framework: netstandard13
      System.Resources.ResourceManager (>= 4.3) - framework: netstandard13
      System.Runtime (>= 4.3) - framework: netstandard13
      System.Runtime.Extensions (>= 4.3) - framework: netstandard13
      System.Threading (>= 4.3) - framework: netstandard13
    System.Globalization (4.3) - framework: net461, netstandard13
      Microsoft.NETCore.Platforms (>= 1.1) - framework: netstandard13
      Microsoft.NETCore.Targets (>= 1.1) - framework: netstandard13
      System.Runtime (>= 4.3) - framework: netstandard13
    System.IO (4.3) - framework: net461, netstandard13
      Microsoft.NETCore.Platforms (>= 1.1) - framework: netstandard13
      Microsoft.NETCore.Targets (>= 1.1) - framework: netstandard13
      System.Runtime (>= 4.3) - framework: netstandard13
      System.Text.Encoding (>= 4.3) - framework: netstandard13
      System.Threading.Tasks (>= 4.3) - framework: netstandard13
    System.IO.Compression (4.3) - framework: net461, netstandard13
      Microsoft.NETCore.Platforms (>= 1.1) - framework: netstandard13
      runtime.native.System (>= 4.3) - framework: netstandard13
      runtime.native.System.IO.Compression (>= 4.3) - framework: netstandard13
      System.Buffers (>= 4.3) - framework: netstandard13
      System.Collections (>= 4.3) - framework: netstandard13
      System.Diagnostics.Debug (>= 4.3) - framework: netstandard13
      System.IO (>= 4.3) - framework: netstandard13
      System.Resources.ResourceManager (>= 4.3) - framework: netstandard13
      System.Runtime (>= 4.3) - framework: netstandard13
      System.Runtime.Extensions (>= 4.3) - framework: netstandard13
      System.Runtime.Handles (>= 4.3) - framework: netstandard13
      System.Runtime.InteropServices (>= 4.3) - framework: netstandard13
      System.Text.Encoding (>= 4.3) - framework: netstandard13
      System.Threading (>= 4.3) - framework: netstandard13
      System.Threading.Tasks (>= 4.3) - framework: netstandard13
    System.IO.FileSystem (4.3) - framework: net461, netstandard13
      Microsoft.NETCore.Platforms (>= 1.1) - framework: netstandard13
      Microsoft.NETCore.Targets (>= 1.1) - framework: netstandard13
      System.IO (>= 4.3) - framework: netstandard13
      System.IO.FileSystem.Primitives (>= 4.3) - framework: net461, netstandard13
      System.Runtime (>= 4.3) - framework: netstandard13
      System.Runtime.Handles (>= 4.3) - framework: netstandard13
      System.Text.Encoding (>= 4.3) - framework: netstandard13
      System.Threading.Tasks (>= 4.3) - framework: netstandard13
    System.IO.FileSystem.Primitives (4.3) - framework: net461, netstandard13
      System.Runtime (>= 4.3) - framework: netstandard13
    System.Linq (4.3) - framework: net461, netstandard13
    System.Linq.Expressions (4.3) - framework: net461, netstandard13
      System.Reflection (>= 4.3) - framework: netstandard13
      System.Runtime (>= 4.3) - framework: netstandard13
    System.Linq.Parallel (4.3) - framework: net461, netstandard13
      System.Collections (>= 4.3) - framework: netstandard13
      System.Collections.Concurrent (>= 4.3) - framework: netstandard13
      System.Diagnostics.Debug (>= 4.3) - framework: netstandard13
      System.Diagnostics.Tracing (>= 4.3) - framework: netstandard13
      System.Linq (>= 4.3) - framework: netstandard13
      System.Resources.ResourceManager (>= 4.3) - framework: netstandard13
      System.Runtime (>= 4.3) - framework: netstandard13
      System.Runtime.Extensions (>= 4.3) - framework: netstandard13
      System.Threading (>= 4.3) - framework: netstandard13
      System.Threading.Tasks (>= 4.3) - framework: netstandard13
    System.ObjectModel (4.3) - framework: net461, netstandard13
      System.Collections (>= 4.3) - framework: netstandard13
      System.Diagnostics.Debug (>= 4.3) - framework: netstandard13
      System.Resources.ResourceManager (>= 4.3) - framework: netstandard13
      System.Runtime (>= 4.3) - framework: netstandard13
      System.Threading (>= 4.3) - framework: netstandard13
    System.Reflection (4.3) - framework: net461, netstandard13
      Microsoft.NETCore.Platforms (>= 1.1) - framework: netstandard13
      Microsoft.NETCore.Targets (>= 1.1) - framework: netstandard13
      System.IO (>= 4.3) - framework: netstandard13
      System.Reflection.Primitives (>= 4.3) - framework: netstandard13
      System.Runtime (>= 4.3) - framework: netstandard13
    System.Reflection.Emit (4.3) - framework: net461, netstandard13
      System.IO (>= 4.3) - framework: netstandard13
      System.Reflection (>= 4.3) - framework: netstandard13
      System.Reflection.Emit.ILGeneration (>= 4.3) - framework: netstandard13
      System.Reflection.Primitives (>= 4.3) - framework: netstandard13
      System.Runtime (>= 4.3) - framework: netstandard13
    System.Reflection.Emit.ILGeneration (4.3) - framework: net461, netstandard13
      System.Reflection (>= 4.3) - framework: netstandard13
      System.Reflection.Primitives (>= 4.3) - framework: netstandard13
      System.Runtime (>= 4.3) - framework: netstandard13
    System.Reflection.Extensions (4.3) - framework: net461, netstandard13
      Microsoft.NETCore.Platforms (>= 1.1) - framework: netstandard13
      Microsoft.NETCore.Targets (>= 1.1) - framework: netstandard13
      System.Reflection (>= 4.3) - framework: netstandard13
      System.Runtime (>= 4.3) - framework: netstandard13
    System.Reflection.Metadata (1.4.2) - framework: net461, netstandard13
      System.Collections (>= 4.3) - framework: netstandard13
      System.Collections.Immutable (>= 1.3.1) - framework: net461, netstandard13
      System.Diagnostics.Debug (>= 4.3) - framework: netstandard13
      System.IO (>= 4.3) - framework: netstandard13
      System.IO.Compression (>= 4.3) - framework: netstandard13
      System.Linq (>= 4.3) - framework: netstandard13
      System.Reflection (>= 4.3) - framework: netstandard13
      System.Reflection.Extensions (>= 4.3) - framework: netstandard13
      System.Reflection.Primitives (>= 4.3) - framework: netstandard13
      System.Resources.ResourceManager (>= 4.3) - framework: netstandard13
      System.Runtime (>= 4.3) - framework: netstandard13
      System.Runtime.Extensions (>= 4.3) - framework: netstandard13
      System.Runtime.InteropServices (>= 4.3) - framework: netstandard13
      System.Text.Encoding (>= 4.3) - framework: netstandard13
      System.Text.Encoding.Extensions (>= 4.3) - framework: netstandard13
      System.Threading (>= 4.3) - framework: netstandard13
    System.Reflection.Primitives (4.3) - framework: net461, netstandard13
      Microsoft.NETCore.Platforms (>= 1.1) - framework: netstandard13
      Microsoft.NETCore.Targets (>= 1.1) - framework: netstandard13
      System.Runtime (>= 4.3) - framework: netstandard13
    System.Reflection.TypeExtensions (4.3) - framework: net461, netstandard13
      System.Reflection (>= 4.3) - framework: >= net461, netstandard13
      System.Runtime (>= 4.3) - framework: netstandard13
    System.Resources.ResourceManager (4.3) - framework: net461, netstandard13
      Microsoft.NETCore.Platforms (>= 1.1) - framework: netstandard13
      Microsoft.NETCore.Targets (>= 1.1) - framework: netstandard13
      System.Globalization (>= 4.3) - framework: netstandard13
      System.Reflection (>= 4.3) - framework: netstandard13
      System.Runtime (>= 4.3) - framework: netstandard13
    System.Runtime (4.3) - framework: net461, netstandard13
      Microsoft.NETCore.Platforms (>= 1.1) - framework: netstandard13
      Microsoft.NETCore.Targets (>= 1.1) - framework: netstandard13
    System.Runtime.Extensions (4.3) - framework: net461, netstandard13
      Microsoft.NETCore.Platforms (>= 1.1) - framework: netstandard13
      Microsoft.NETCore.Targets (>= 1.1) - framework: netstandard13
      System.Runtime (>= 4.3) - framework: netstandard13
    System.Runtime.Handles (4.3) - framework: net461, netstandard13
      Microsoft.NETCore.Platforms (>= 1.1) - framework: netstandard13
      Microsoft.NETCore.Targets (>= 1.1) - framework: netstandard13
      System.Runtime (>= 4.3) - framework: netstandard13
    System.Runtime.InteropServices (4.3) - framework: net461, netstandard13
      Microsoft.NETCore.Platforms (>= 1.1) - framework: netstandard13
      Microsoft.NETCore.Targets (>= 1.1) - framework: netstandard13
      System.Reflection (>= 4.3) - framework: netstandard13
      System.Reflection.Primitives (>= 4.3) - framework: netstandard13
      System.Runtime (>= 4.3) - framework: >= net461, netstandard13
      System.Runtime.Handles (>= 4.3) - framework: netstandard13
    System.Runtime.Numerics (4.3) - framework: net461, netstandard13
      System.Globalization (>= 4.3) - framework: netstandard13
      System.Resources.ResourceManager (>= 4.3) - framework: netstandard13
      System.Runtime (>= 4.3) - framework: netstandard13
      System.Runtime.Extensions (>= 4.3) - framework: netstandard13
    System.Security.Cryptography.Algorithms (4.3) - framework: net461, netstandard13
      System.IO (>= 4.3) - framework: net461, >= net463, netstandard13
      System.Runtime (>= 4.3) - framework: net461, >= net463, netstandard13
      System.Security.Cryptography.Primitives (>= 4.3) - framework: net461, netstandard13
    System.Security.Cryptography.Encoding (4.3) - framework: net461, netstandard13
      Microsoft.NETCore.Platforms (>= 1.1) - framework: netstandard13
      runtime.native.System.Security.Cryptography.OpenSsl (>= 4.3) - framework: netstandard13
      System.Collections (>= 4.3) - framework: netstandard13
      System.Collections.Concurrent (>= 4.3) - framework: netstandard13
      System.Linq (>= 4.3) - framework: netstandard13
      System.Resources.ResourceManager (>= 4.3) - framework: netstandard13
      System.Runtime (>= 4.3) - framework: netstandard13
      System.Runtime.Extensions (>= 4.3) - framework: netstandard13
      System.Runtime.Handles (>= 4.3) - framework: netstandard13
      System.Runtime.InteropServices (>= 4.3) - framework: netstandard13
      System.Security.Cryptography.Primitives (>= 4.3) - framework: netstandard13
      System.Text.Encoding (>= 4.3) - framework: netstandard13
    System.Security.Cryptography.Primitives (4.3) - framework: net461, netstandard13
      System.Diagnostics.Debug (>= 4.3) - framework: netstandard13
      System.Globalization (>= 4.3) - framework: netstandard13
      System.IO (>= 4.3) - framework: netstandard13
      System.Resources.ResourceManager (>= 4.3) - framework: netstandard13
      System.Runtime (>= 4.3) - framework: netstandard13
      System.Threading (>= 4.3) - framework: netstandard13
      System.Threading.Tasks (>= 4.3) - framework: netstandard13
    System.Security.Cryptography.X509Certificates (4.3) - framework: net461, netstandard13
      System.Runtime (>= 4.3) - framework: netstandard13
      System.Runtime.Handles (>= 4.3) - framework: netstandard13
      System.Security.Cryptography.Algorithms (>= 4.3) - framework: net461, netstandard13
      System.Security.Cryptography.Encoding (>= 4.3) - framework: net461, netstandard13
    System.Text.Encoding (4.3) - framework: net461, netstandard13
      Microsoft.NETCore.Platforms (>= 1.1) - framework: netstandard13
      Microsoft.NETCore.Targets (>= 1.1) - framework: netstandard13
      System.Runtime (>= 4.3) - framework: netstandard13
    System.Text.Encoding.CodePages (4.3) - framework: net461, netstandard13
      Microsoft.NETCore.Platforms (>= 1.1) - framework: netstandard13
      System.Collections (>= 4.3) - framework: netstandard13
      System.Globalization (>= 4.3) - framework: netstandard13
      System.IO (>= 4.3) - framework: netstandard13
      System.Reflection (>= 4.3) - framework: netstandard13
      System.Resources.ResourceManager (>= 4.3) - framework: netstandard13
      System.Runtime (>= 4.3) - framework: netstandard13
      System.Runtime.Extensions (>= 4.3) - framework: netstandard13
      System.Runtime.Handles (>= 4.3) - framework: netstandard13
      System.Runtime.InteropServices (>= 4.3) - framework: netstandard13
      System.Text.Encoding (>= 4.3) - framework: netstandard13
      System.Threading (>= 4.3) - framework: netstandard13
    System.Text.Encoding.Extensions (4.3) - framework: net461, netstandard13
      Microsoft.NETCore.Platforms (>= 1.1) - framework: netstandard13
      Microsoft.NETCore.Targets (>= 1.1) - framework: netstandard13
      System.Runtime (>= 4.3) - framework: netstandard13
      System.Text.Encoding (>= 4.3) - framework: netstandard13
    System.Text.RegularExpressions (4.3) - framework: net461, netstandard13
      System.Runtime (>= 4.3) - framework: netstandard13
    System.Threading (4.3) - framework: net461, netstandard13
      System.Runtime (>= 4.3) - framework: netstandard13
      System.Threading.Tasks (>= 4.3) - framework: netstandard13
    System.Threading.Tasks (4.3) - framework: net461, netstandard13
      Microsoft.NETCore.Platforms (>= 1.1) - framework: netstandard13
      Microsoft.NETCore.Targets (>= 1.1) - framework: netstandard13
      System.Runtime (>= 4.3) - framework: netstandard13
    System.Threading.Tasks.Extensions (4.3) - framework: net461, netstandard13
      System.Collections (>= 4.3) - framework: netstandard13
      System.Runtime (>= 4.3) - framework: netstandard13
      System.Threading.Tasks (>= 4.3) - framework: netstandard13
    System.Threading.Tasks.Parallel (4.3) - framework: net461, netstandard13
      System.Collections.Concurrent (>= 4.3) - framework: netstandard13
      System.Diagnostics.Debug (>= 4.3) - framework: netstandard13
      System.Diagnostics.Tracing (>= 4.3) - framework: netstandard13
      System.Resources.ResourceManager (>= 4.3) - framework: netstandard13
      System.Runtime (>= 4.3) - framework: netstandard13
      System.Runtime.Extensions (>= 4.3) - framework: netstandard13
      System.Threading (>= 4.3) - framework: netstandard13
      System.Threading.Tasks (>= 4.3) - framework: netstandard13
    System.Threading.Thread (4.3) - framework: net461, netstandard13
      System.Runtime (>= 4.3) - framework: netstandard13
    System.ValueTuple (4.3.1) - framework: net461, netstandard13
      System.Collections (>= 4.3) - framework: netstandard13
      System.Resources.ResourceManager (>= 4.3) - framework: netstandard13
      System.Runtime (>= 4.3) - framework: netstandard13
    System.Xml.ReaderWriter (4.3) - framework: net461, netstandard13
      System.Collections (>= 4.3) - framework: netstandard13
      System.Diagnostics.Debug (>= 4.3) - framework: netstandard13
      System.Globalization (>= 4.3) - framework: netstandard13
      System.IO (>= 4.3) - framework: netstandard13
      System.IO.FileSystem (>= 4.3) - framework: netstandard13
      System.IO.FileSystem.Primitives (>= 4.3) - framework: netstandard13
      System.Resources.ResourceManager (>= 4.3) - framework: netstandard13
      System.Runtime (>= 4.3) - framework: netstandard13
      System.Runtime.Extensions (>= 4.3) - framework: netstandard13
      System.Runtime.InteropServices (>= 4.3) - framework: netstandard13
      System.Text.Encoding (>= 4.3) - framework: netstandard13
      System.Text.Encoding.Extensions (>= 4.3) - framework: netstandard13
      System.Text.RegularExpressions (>= 4.3) - framework: netstandard13
      System.Threading.Tasks (>= 4.3) - framework: netstandard13
      System.Threading.Tasks.Extensions (>= 4.3) - framework: netstandard13
    System.Xml.XDocument (4.3) - framework: net461, netstandard13
      System.Collections (>= 4.3) - framework: netstandard13
      System.Diagnostics.Debug (>= 4.3) - framework: netstandard13
      System.Diagnostics.Tools (>= 4.3) - framework: netstandard13
      System.Globalization (>= 4.3) - framework: netstandard13
      System.IO (>= 4.3) - framework: netstandard13
      System.Reflection (>= 4.3) - framework: netstandard13
      System.Resources.ResourceManager (>= 4.3) - framework: netstandard13
      System.Runtime (>= 4.3) - framework: netstandard13
      System.Runtime.Extensions (>= 4.3) - framework: netstandard13
      System.Text.Encoding (>= 4.3) - framework: netstandard13
      System.Threading (>= 4.3) - framework: netstandard13
      System.Xml.ReaderWriter (>= 4.3) - framework: netstandard13
    System.Xml.XmlDocument (4.3) - framework: net461, netstandard13
      System.Collections (>= 4.3) - framework: netstandard13
      System.Diagnostics.Debug (>= 4.3) - framework: netstandard13
      System.Globalization (>= 4.3) - framework: netstandard13
      System.IO (>= 4.3) - framework: netstandard13
      System.Resources.ResourceManager (>= 4.3) - framework: netstandard13
      System.Runtime (>= 4.3) - framework: netstandard13
      System.Runtime.Extensions (>= 4.3) - framework: netstandard13
      System.Text.Encoding (>= 4.3) - framework: netstandard13
      System.Threading (>= 4.3) - framework: netstandard13
      System.Xml.ReaderWriter (>= 4.3) - framework: netstandard13
    System.Xml.XPath (4.3) - framework: net461, netstandard13
      System.Collections (>= 4.3) - framework: netstandard13
      System.Diagnostics.Debug (>= 4.3) - framework: netstandard13
      System.Globalization (>= 4.3) - framework: netstandard13
      System.IO (>= 4.3) - framework: netstandard13
      System.Resources.ResourceManager (>= 4.3) - framework: netstandard13
      System.Runtime (>= 4.3) - framework: netstandard13
      System.Runtime.Extensions (>= 4.3) - framework: netstandard13
      System.Threading (>= 4.3) - framework: netstandard13
      System.Xml.ReaderWriter (>= 4.3) - framework: netstandard13
    System.Xml.XPath.XDocument (4.3) - framework: net461, netstandard13
      System.Diagnostics.Debug (>= 4.3) - framework: netstandard13
      System.Linq (>= 4.3) - framework: netstandard13
      System.Resources.ResourceManager (>= 4.3) - framework: netstandard13
      System.Runtime (>= 4.3) - framework: netstandard13
      System.Runtime.Extensions (>= 4.3) - framework: netstandard13
      System.Threading (>= 4.3) - framework: netstandard13
      System.Xml.ReaderWriter (>= 4.3) - framework: netstandard13
      System.Xml.XDocument (>= 4.3) - framework: netstandard13
      System.Xml.XPath (>= 4.3) - framework: net461, netstandard13

GROUP Test
FRAMEWORK: >= NET45
NUGET
  remote: http://www.nuget.org/api/v2
    Castle.Core (4.0)
    FlaUI.Core (1.1)
    FlaUI.UIA3 (1.1)
      FlaUI.Core (>= 1.1)
    Microsoft.Reactive.Testing (3.1.1)
      System.Reactive.PlatformServices (>= 3.1.1)
    Microsoft.Win32.Primitives (4.3) - framework: >= net463
    Moq (4.7.10)
      Castle.Core (>= 4.0)
    NETStandard.Library (1.6.1) - framework: >= net463
      Microsoft.Win32.Primitives (>= 4.3) - framework: >= net46
      System.AppContext (>= 4.3) - framework: >= net46
      System.Collections.Concurrent (>= 4.3)
      System.Console (>= 4.3) - framework: >= net46
      System.Diagnostics.Tracing (>= 4.3)
      System.Globalization.Calendars (>= 4.3) - framework: >= net46
      System.IO.Compression (>= 4.3)
      System.IO.Compression.ZipFile (>= 4.3) - framework: >= net46
      System.IO.FileSystem (>= 4.3) - framework: >= net46
      System.IO.FileSystem.Primitives (>= 4.3) - framework: >= net46
      System.Net.Http (>= 4.3)
      System.Net.Sockets (>= 4.3) - framework: >= net46
      System.Runtime.Handles (>= 4.3) - framework: >= net46
      System.Runtime.InteropServices (>= 4.3)
      System.Runtime.InteropServices.RuntimeInformation (>= 4.3)
      System.Runtime.Numerics (>= 4.3)
      System.Security.Cryptography.Algorithms (>= 4.3) - framework: >= net46
      System.Security.Cryptography.Encoding (>= 4.3) - framework: >= net46
      System.Security.Cryptography.Primitives (>= 4.3) - framework: >= net46
      System.Security.Cryptography.X509Certificates (>= 4.3) - framework: >= net46
      System.Threading.Timer (>= 4.3) - framework: >= net451
    NUnit (3.6.1)
      NETStandard.Library (>= 1.6) - framework: >= net463
      System.Runtime.Loader (>= 4.0) - framework: >= net463
    System.AppContext (4.3) - framework: >= net463
    System.Collections.Concurrent (4.3) - framework: >= net463
    System.Console (4.3) - framework: >= net463
    System.Diagnostics.Tracing (4.3) - framework: >= net463
    System.Globalization.Calendars (4.3) - framework: >= net463
    System.IO (4.3) - framework: >= net463
    System.IO.Compression (4.3) - framework: >= net463
    System.IO.Compression.ZipFile (4.3) - framework: >= net463
    System.IO.FileSystem (4.3) - framework: >= net463
      System.IO.FileSystem.Primitives (>= 4.3) - framework: >= net46
    System.IO.FileSystem.Primitives (4.3)
    System.Net.Http (4.3.2) - framework: >= net463
      System.Security.Cryptography.X509Certificates (>= 4.3) - framework: >= net46
    System.Net.Sockets (4.3) - framework: >= net463
    System.Reactive.Core (3.1.1)
      System.Reactive.Interfaces (>= 3.1.1)
    System.Reactive.Interfaces (3.1.1)
    System.Reactive.Linq (3.1.1)
      System.Reactive.Core (>= 3.1.1)
    System.Reactive.PlatformServices (3.1.1)
      System.Reactive.Linq (>= 3.1.1)
    System.Runtime (4.3)
    System.Runtime.Handles (4.3) - framework: >= net463
    System.Runtime.InteropServices (4.3) - framework: >= net463
      System.Runtime (>= 4.3) - framework: >= net462
    System.Runtime.InteropServices.RuntimeInformation (4.3) - framework: >= net463
    System.Runtime.Loader (4.3) - framework: >= net463
    System.Runtime.Numerics (4.3) - framework: >= net463
    System.Security.Cryptography.Algorithms (4.3)
      System.IO (>= 4.3) - framework: >= net463
      System.Runtime (>= 4.3) - framework: >= net463
      System.Security.Cryptography.Encoding (>= 4.3) - framework: >= net463
      System.Security.Cryptography.Primitives (>= 4.3) - framework: net46, net461, >= net463
    System.Security.Cryptography.Encoding (4.3)
    System.Security.Cryptography.Primitives (4.3)
    System.Security.Cryptography.X509Certificates (4.3)
      System.Security.Cryptography.Algorithms (>= 4.3) - framework: >= net46
      System.Security.Cryptography.Encoding (>= 4.3) - framework: >= net46
    System.Threading.Timer (4.3) - framework: >= net463
