FRAMEWORK: >= NET45
NUGET
  remote: http://www.nuget.org/api/v2
    Gu.Wpf.ToolTips (0.2.0.1)
    System.Reactive (3.1.1)
      System.Reactive.PlatformServices (>= 3.1.1)
      System.Reactive.Windows.Threading (>= 3.1.1)
    System.Reactive.Core (3.1.1)
      System.Reactive.Interfaces (>= 3.1.1)
    System.Reactive.Interfaces (3.1.1)
    System.Reactive.Linq (3.1.1)
      System.Reactive.Core (>= 3.1.1)
    System.Reactive.PlatformServices (3.1.1)
      System.Reactive.Linq (>= 3.1.1)
    System.Reactive.Windows.Threading (3.1.1)
      System.Reactive.Core (>= 3.1.1)

GROUP Analyzers
FRAMEWORK: >= NET45
NUGET
  remote: http://www.nuget.org/api/v2
    Gu.Analyzers (0.1.11.4-dev)
    JetBrains.Annotations (10.2.1)
    StyleCop.Analyzers (1.0)
    WpfAnalyzers (0.2.7.2-dev)

GROUP Test
FRAMEWORK: >= NET45
NUGET
  remote: http://www.nuget.org/api/v2
    BenchmarkDotNet (0.10.1)
      BenchmarkDotNet.Toolchains.Roslyn (>= 0.10.1)
    BenchmarkDotNet.Core (0.10.1)
      System.Threading.Tasks.Extensions (>= 4.0)
    BenchmarkDotNet.Diagnostics.Windows (0.10.1)
      BenchmarkDotNet (>= 0.10.1)
      Microsoft.Diagnostics.Tracing.TraceEvent (>= 1.0.41)
    BenchmarkDotNet.Toolchains.Roslyn (0.10.1)
      BenchmarkDotNet.Core (>= 0.10.1)
      Microsoft.CodeAnalysis.CSharp (>= 1.3.2)
      System.Threading.Tasks (>= 4.0)
    Castle.Core (3.3.3)
    Microsoft.CodeAnalysis.Common (1.3.2)
    Microsoft.CodeAnalysis.CSharp (1.3.2)
      Microsoft.CodeAnalysis.Common (1.3.2)
    Microsoft.Diagnostics.Tracing.TraceEvent (1.0.41)
    Microsoft.Reactive.Testing (3.1.1)
      System.Reactive.PlatformServices (>= 3.1.1)
    Moq (4.5.29)
      Castle.Core (>= 3.3.3)
    NUnit (3.5)
    System.Collections.Immutable (1.3.1)
    System.Reactive.Core (3.1.1)
      System.Reactive.Interfaces (>= 3.1.1)
    System.Reactive.Interfaces (3.1.1)
    System.Reactive.Linq (3.1.1)
      System.Reactive.Core (>= 3.1.1)
    System.Reactive.PlatformServices (3.1.1)
      System.Reactive.Linq (>= 3.1.1)
    System.Reflection.Metadata (1.2)
      System.Collections.Immutable (>= 1.1.37)
    System.Threading.Tasks (4.3)
    System.Threading.Tasks.Extensions (4.3)
    TestStack.White (0.13.3)
      Castle.Core (>= 3.3)
