REDIRECTS: ON
RESTRICTION: >= net45
NUGET
  remote: http://www.nuget.org/api/v2
    Gu.Wpf.ToolTips (0.2.0.1)
    System.Reactive (3.1.1)
      System.Reactive.PlatformServices (>= 3.1.1)
      System.Reactive.Windows.Threading (>= 3.1.1)
    System.Reactive.Core (3.1.1)
      System.Reactive.Interfaces (>= 3.1.1)
    System.Reactive.Interfaces (3.1.1)
    System.Reactive.Linq (3.1.1)
      System.Reactive.Core (>= 3.1.1)
    System.Reactive.PlatformServices (3.1.1)
      System.Reactive.Linq (>= 3.1.1)
    System.Reactive.Windows.Threading (3.1.1)
      System.Reactive.Core (>= 3.1.1)

GROUP Analyzers
NUGET
  remote: http://www.nuget.org/api/v2
    Gu.Analyzers (0.1.11.25-dev)
    JetBrains.Annotations (10.4)
      System.Runtime (>= 4.1) - restriction: && (< net10) (>= netstandard1.0)
    Microsoft.NETCore.Platforms (1.1) - restriction: || (&& (< net10) (>= netstandard1.0) (< netstandard1.2) (< monoandroid) (< win8) (< wp8)) (&& (< net10) (>= netstandard1.2) (< netstandard1.3) (< monoandroid) (< win8) (< wpa81)) (&& (< net10) (>= netstandard1.3) (< netstandard1.5) (< monoandroid) (< win8) (< wpa81)) (&& (< net10) (>= netstandard1.5) (< monotouch) (< xamarintvos) (< xamarinwatchos) (< xamarinios) (< xamarinmac)) (&& (>= dnxcore50) (>= netstandard1.0))
    Microsoft.NETCore.Targets (1.1) - restriction: || (&& (< net10) (>= netstandard1.0) (< netstandard1.2) (< monoandroid) (< win8) (< wp8)) (&& (< net10) (>= netstandard1.2) (< netstandard1.3) (< monoandroid) (< win8) (< wpa81)) (&& (< net10) (>= netstandard1.3) (< netstandard1.5) (< monoandroid) (< win8) (< wpa81)) (&& (< net10) (>= netstandard1.5) (< monotouch) (< xamarintvos) (< xamarinwatchos) (< xamarinios) (< xamarinmac)) (&& (>= dnxcore50) (>= netstandard1.0))
    StyleCop.Analyzers (1.0.2)
    System.Runtime (4.3) - restriction: && (< net10) (>= netstandard1.0)
      Microsoft.NETCore.Platforms (>= 1.1) - restriction: || (&& (< net45) (>= netstandard1.0) (< netstandard1.2) (< monoandroid) (< win8) (< wp8)) (&& (< net45) (>= netstandard1.2) (< netstandard1.3) (< monoandroid) (< win8) (< wpa81)) (&& (< net45) (>= netstandard1.3) (< netstandard1.5) (< monoandroid) (< win8) (< wpa81)) (&& (< net45) (>= netstandard1.5) (< monotouch) (< xamarintvos) (< xamarinwatchos) (< xamarinios) (< xamarinmac)) (>= dnxcore50)
      Microsoft.NETCore.Targets (>= 1.1) - restriction: || (&& (< net45) (>= netstandard1.0) (< netstandard1.2) (< monoandroid) (< win8) (< wp8)) (&& (< net45) (>= netstandard1.2) (< netstandard1.3) (< monoandroid) (< win8) (< wpa81)) (&& (< net45) (>= netstandard1.3) (< netstandard1.5) (< monoandroid) (< win8) (< wpa81)) (&& (< net45) (>= netstandard1.5) (< monotouch) (< xamarintvos) (< xamarinwatchos) (< xamarinios) (< xamarinmac)) (>= dnxcore50)
    WpfAnalyzers (0.2.7.10)

GROUP Benchmark
RESTRICTION: == net461
NUGET
  remote: http://www.nuget.org/api/v2
    BenchmarkDotNet (0.10.8)
      BenchmarkDotNet.Core (>= 0.10.8)
      BenchmarkDotNet.Toolchains.Roslyn (>= 0.10.8)
    BenchmarkDotNet.Core (0.10.8)
      Microsoft.DotNet.InternalAbstractions (>= 1.0)
      Microsoft.DotNet.PlatformAbstractions (>= 1.1.1)
      Microsoft.Win32.Registry (>= 4.3)
      System.Threading.Tasks.Extensions (>= 4.3)
      System.ValueTuple (>= 4.3)
    BenchmarkDotNet.Diagnostics.Windows (0.10.8)
      BenchmarkDotNet (>= 0.10.8)
      Microsoft.Diagnostics.Tracing.TraceEvent (>= 1.0.41)
    BenchmarkDotNet.Toolchains.Roslyn (0.10.8)
      BenchmarkDotNet.Core (>= 0.10.8)
      Microsoft.CodeAnalysis.CSharp (>= 2.0)
      System.Threading.Tasks (>= 4.3)
    Microsoft.CodeAnalysis.Analyzers (1.1)
    Microsoft.CodeAnalysis.Common (2.2)
      Microsoft.CodeAnalysis.Analyzers (>= 1.1)
      System.AppContext (>= 4.3)
      System.Collections (>= 4.3)
      System.Collections.Concurrent (>= 4.3)
      System.Collections.Immutable (>= 1.3.1)
      System.Console (>= 4.3)
      System.Diagnostics.Debug (>= 4.3)
      System.Diagnostics.FileVersionInfo (>= 4.3)
      System.Diagnostics.StackTrace (>= 4.3)
      System.Diagnostics.Tools (>= 4.3)
      System.Dynamic.Runtime (>= 4.3)
      System.Globalization (>= 4.3)
      System.IO.Compression (>= 4.3)
      System.IO.FileSystem (>= 4.3)
      System.IO.FileSystem.Primitives (>= 4.3)
      System.Linq (>= 4.3)
      System.Linq.Expressions (>= 4.3)
      System.Reflection (>= 4.3)
      System.Reflection.Metadata (>= 1.4.2)
      System.Resources.ResourceManager (>= 4.3)
      System.Runtime (>= 4.3)
      System.Runtime.Extensions (>= 4.3)
      System.Runtime.InteropServices (>= 4.3)
      System.Runtime.Numerics (>= 4.3)
      System.Security.Cryptography.Algorithms (>= 4.3)
      System.Security.Cryptography.Encoding (>= 4.3)
      System.Security.Cryptography.X509Certificates (>= 4.3)
      System.Text.Encoding (>= 4.3)
      System.Text.Encoding.CodePages (>= 4.3)
      System.Text.Encoding.Extensions (>= 4.3)
      System.Threading (>= 4.3)
      System.Threading.Tasks (>= 4.3)
      System.Threading.Tasks.Parallel (>= 4.3)
      System.Threading.Thread (>= 4.3)
      System.ValueTuple (>= 4.3)
      System.Xml.ReaderWriter (>= 4.3)
      System.Xml.XDocument (>= 4.3)
      System.Xml.XmlDocument (>= 4.3)
      System.Xml.XPath.XDocument (>= 4.3)
    Microsoft.CodeAnalysis.CSharp (2.2)
      Microsoft.CodeAnalysis.Common (2.2)
    Microsoft.Diagnostics.Tracing.TraceEvent (1.0.41)
    Microsoft.DotNet.InternalAbstractions (1.0)
    Microsoft.DotNet.PlatformAbstractions (1.1.2)
    Microsoft.Win32.Registry (4.3)
    System.AppContext (4.3)
    System.Collections (4.3)
    System.Collections.Concurrent (4.3)
    System.Collections.Immutable (1.3.1)
    System.Console (4.3)
    System.Diagnostics.Debug (4.3)
    System.Diagnostics.FileVersionInfo (4.3)
    System.Diagnostics.StackTrace (4.3)
    System.Diagnostics.Tools (4.3)
    System.Dynamic.Runtime (4.3)
    System.Globalization (4.3)
    System.IO.Compression (4.3)
    System.IO.FileSystem (4.3)
      System.IO.FileSystem.Primitives (>= 4.3)
    System.IO.FileSystem.Primitives (4.3)
    System.Linq (4.3)
    System.Linq.Expressions (4.3)
    System.Reflection (4.3)
    System.Reflection.Metadata (1.4.2)
      System.Collections.Immutable (>= 1.3.1)
    System.Resources.ResourceManager (4.3)
    System.Runtime (4.3)
    System.Runtime.Extensions (4.3)
    System.Runtime.InteropServices (4.3)
    System.Runtime.Numerics (4.3)
    System.Security.Cryptography.Algorithms (4.3)
      System.Security.Cryptography.Primitives (>= 4.3)
    System.Security.Cryptography.Encoding (4.3)
    System.Security.Cryptography.Primitives (4.3)
    System.Security.Cryptography.X509Certificates (4.3)
      System.Security.Cryptography.Algorithms (>= 4.3)
      System.Security.Cryptography.Encoding (>= 4.3)
    System.Text.Encoding (4.3)
    System.Text.Encoding.CodePages (4.3)
    System.Text.Encoding.Extensions (4.3)
    System.Threading (4.3)
    System.Threading.Tasks (4.3)
    System.Threading.Tasks.Extensions (4.3)
    System.Threading.Tasks.Parallel (4.3)
    System.Threading.Thread (4.3)
    System.ValueTuple (4.3.1)
    System.Xml.ReaderWriter (4.3)
    System.Xml.XDocument (4.3)
    System.Xml.XmlDocument (4.3)
    System.Xml.XPath (4.3)
    System.Xml.XPath.XDocument (4.3)
      System.Xml.XPath (>= 4.3)

GROUP Roslyn
REDIRECTS: ON
RESTRICTION: || (== net461) (== netstandard1.3)
NUGET
  remote: http://www.nuget.org/api/v2
    Gu.Roslyn.Asserts (0.2.3-dev)
    ManagedEsent (1.9.4) - restriction: || (== net461) (&& (== net461) (== netstandard1.3)) (&& (== netstandard1.3) (>= net46))
    Microsoft.CodeAnalysis.Analyzers (1.1)
    Microsoft.CodeAnalysis.Common (2.3.1)
      Microsoft.CodeAnalysis.Analyzers (>= 1.1)
      System.AppContext (>= 4.3)
      System.Collections (>= 4.3)
      System.Collections.Concurrent (>= 4.3)
      System.Collections.Immutable (>= 1.3.1)
      System.Console (>= 4.3)
      System.Diagnostics.Debug (>= 4.3)
      System.Diagnostics.FileVersionInfo (>= 4.3)
      System.Diagnostics.StackTrace (>= 4.3)
      System.Diagnostics.Tools (>= 4.3)
      System.Dynamic.Runtime (>= 4.3)
      System.Globalization (>= 4.3)
      System.IO.Compression (>= 4.3)
      System.IO.FileSystem (>= 4.3)
      System.IO.FileSystem.Primitives (>= 4.3)
      System.Linq (>= 4.3)
      System.Linq.Expressions (>= 4.3)
      System.Reflection (>= 4.3)
      System.Reflection.Metadata (>= 1.4.2)
      System.Resources.ResourceManager (>= 4.3)
      System.Runtime (>= 4.3)
      System.Runtime.Extensions (>= 4.3)
      System.Runtime.InteropServices (>= 4.3)
      System.Runtime.Numerics (>= 4.3)
      System.Security.Cryptography.Algorithms (>= 4.3)
      System.Security.Cryptography.Encoding (>= 4.3)
      System.Security.Cryptography.X509Certificates (>= 4.3)
      System.Text.Encoding (>= 4.3)
      System.Text.Encoding.CodePages (>= 4.3)
      System.Text.Encoding.Extensions (>= 4.3)
      System.Threading (>= 4.3)
      System.Threading.Tasks (>= 4.3)
      System.Threading.Tasks.Parallel (>= 4.3)
      System.Threading.Thread (>= 4.3)
      System.ValueTuple (>= 4.3)
      System.Xml.ReaderWriter (>= 4.3)
      System.Xml.XDocument (>= 4.3)
      System.Xml.XmlDocument (>= 4.3)
      System.Xml.XPath.XDocument (>= 4.3)
    Microsoft.CodeAnalysis.CSharp (2.3.1)
      Microsoft.CodeAnalysis.Common (2.3.1)
    Microsoft.CodeAnalysis.CSharp.Workspaces (2.3.1)
      Microsoft.CodeAnalysis.CSharp (2.3.1)
      Microsoft.CodeAnalysis.Workspaces.Common (2.3.1)
    Microsoft.CodeAnalysis.Workspaces.Common (2.3.1)
      ManagedEsent (>= 1.9.4) - restriction: || (== net461) (&& (== netstandard1.3) (>= net46))
      Microsoft.CodeAnalysis.Common (2.3.1)
      System.Composition (>= 1.0.31)
      System.Diagnostics.Contracts (>= 4.3) - restriction: || (&& (== net461) (< net46)) (== netstandard1.3)
      System.Linq.Parallel (>= 4.3) - restriction: || (&& (== net461) (< net46)) (== netstandard1.3)
      System.ObjectModel (>= 4.3) - restriction: || (&& (== net461) (< net46)) (== netstandard1.3)
      System.Text.RegularExpressions (>= 4.3) - restriction: || (&& (== net461) (< net46)) (== netstandard1.3)
      System.Threading.Tasks.Parallel (>= 4.3) - restriction: || (&& (== net461) (< net46)) (== netstandard1.3)
    Microsoft.Composition.Analyzers (1.2.0-beta2)
    Microsoft.NET.Test.Sdk (15.3)
      Microsoft.TestPlatform.TestHost (>= 15.3)
    Microsoft.NETCore.Platforms (2.0)
    Microsoft.NETCore.Targets (2.0) - restriction: || (&& (== net461) (< net45)) (&& (== net461) (< net46)) (&& (== net461) (>= dnxcore50)) (&& (== net461) (>= netcoreapp1.1)) (== netstandard1.3)
    Microsoft.TestPlatform.TestHost (15.3)
    Microsoft.Win32.Primitives (4.3) - restriction: || (&& (== net461) (< net45)) (&& (== net461) (>= uap10.0)) (&& (== net461) (< netstandard1.4)) (&& (== net461) (>= netstandard1.6)) (== netstandard1.3)
      Microsoft.NETCore.Platforms (>= 1.1) - restriction: || (&& (== net461) (< net46)) (== netstandard1.3)
      Microsoft.NETCore.Targets (>= 1.1) - restriction: || (&& (== net461) (< net46)) (== netstandard1.3)
      System.Runtime (>= 4.3) - restriction: || (&& (== net461) (< net46)) (== netstandard1.3)
    NETStandard.Library (2.0)
      Microsoft.NETCore.Platforms (>= 1.1)
      Microsoft.Win32.Primitives (>= 4.3) - restriction: || (&& (== net461) (< net45)) (&& (== net461) (>= uap10.0)) (&& (== net461) (< netstandard1.4)) (&& (== net461) (>= netstandard1.6)) (== netstandard1.3)
      System.AppContext (>= 4.3) - restriction: || (&& (== net461) (< net45)) (&& (== net461) (>= uap10.0)) (&& (== net461) (< netstandard1.4)) (&& (== net461) (>= netstandard1.6)) (== netstandard1.3)
      System.Collections (>= 4.3) - restriction: || (&& (== net461) (< net45)) (&& (== net461) (>= uap10.0)) (&& (== net461) (>= netstandard1.6)) (&& (== net461) (< portable-net45+win8+wpa81)) (== netstandard1.3)
      System.Collections.Concurrent (>= 4.3) - restriction: || (&& (== net461) (< net45)) (&& (== net461) (>= uap10.0)) (&& (== net461) (>= netstandard1.6)) (== netstandard1.3)
      System.Console (>= 4.3) - restriction: || (&& (== net461) (< net45)) (&& (== net461) (>= uap10.0)) (&& (== net461) (< netstandard1.4)) (&& (== net461) (>= netstandard1.6)) (== netstandard1.3)
      System.Diagnostics.Debug (>= 4.3) - restriction: || (&& (== net461) (< net45)) (&& (== net461) (>= uap10.0)) (&& (== net461) (>= netstandard1.6)) (&& (== net461) (< portable-net45+win8+wpa81)) (== netstandard1.3)
      System.Diagnostics.Tools (>= 4.3) - restriction: || (&& (== net461) (< net45)) (&& (== net461) (>= uap10.0)) (&& (== net461) (>= netstandard1.6)) (&& (== net461) (< portable-net45+win8+wpa81)) (== netstandard1.3)
      System.Diagnostics.Tracing (>= 4.3) - restriction: || (&& (== net461) (< net45)) (&& (== net461) (>= uap10.0)) (&& (== net461) (>= netstandard1.6)) (== netstandard1.3)
      System.Globalization (>= 4.3) - restriction: || (&& (== net461) (< net45)) (&& (== net461) (>= uap10.0)) (&& (== net461) (>= netstandard1.6)) (&& (== net461) (< portable-net45+win8+wpa81)) (== netstandard1.3)
      System.Globalization.Calendars (>= 4.3) - restriction: || (&& (== net461) (< net45)) (&& (== net461) (>= uap10.0)) (&& (== net461) (< netstandard1.4)) (&& (== net461) (>= netstandard1.6)) (== netstandard1.3)
      System.IO (>= 4.3) - restriction: || (&& (== net461) (< net45)) (&& (== net461) (>= uap10.0)) (&& (== net461) (>= netstandard1.6)) (&& (== net461) (< portable-net45+win8+wpa81)) (== netstandard1.3)
      System.IO.Compression (>= 4.3) - restriction: || (&& (== net461) (< net45)) (&& (== net461) (>= uap10.0)) (&& (== net461) (< netstandard1.4)) (&& (== net461) (>= netstandard1.6)) (== netstandard1.3)
      System.IO.Compression.ZipFile (>= 4.3) - restriction: || (&& (== net461) (< net45)) (&& (== net461) (>= uap10.0)) (&& (== net461) (< netstandard1.4)) (&& (== net461) (>= netstandard1.6)) (== netstandard1.3)
      System.IO.FileSystem (>= 4.3) - restriction: || (&& (== net461) (< net45)) (&& (== net461) (>= uap10.0)) (&& (== net461) (< netstandard1.4)) (&& (== net461) (>= netstandard1.6)) (== netstandard1.3)
      System.IO.FileSystem.Primitives (>= 4.3) - restriction: || (&& (== net461) (< net45)) (&& (== net461) (>= uap10.0)) (&& (== net461) (< netstandard1.4)) (&& (== net461) (>= netstandard1.6)) (== netstandard1.3)
      System.Linq (>= 4.3) - restriction: || (&& (== net461) (< net45)) (&& (== net461) (>= uap10.0)) (&& (== net461) (>= netstandard1.6)) (&& (== net461) (< portable-net45+win8+wpa81)) (== netstandard1.3)
      System.Linq.Expressions (>= 4.3) - restriction: || (&& (== net461) (< net45)) (&& (== net461) (>= uap10.0)) (&& (== net461) (>= netstandard1.6)) (&& (== net461) (< portable-net45+win8+wpa81)) (== netstandard1.3)
      System.Net.Http (>= 4.3.2) - restriction: || (&& (== net461) (< net45)) (&& (== net461) (>= uap10.0)) (&& (== net461) (< netstandard1.4)) (&& (== net461) (>= netstandard1.6)) (== netstandard1.3)
      System.Net.Primitives (>= 4.3) - restriction: || (&& (== net461) (< net45)) (&& (== net461) (>= uap10.0)) (&& (== net461) (>= netstandard1.6)) (&& (== net461) (< portable-net45+win8+wpa81)) (== netstandard1.3)
      System.Net.Sockets (>= 4.3) - restriction: || (&& (== net461) (< net45)) (&& (== net461) (>= uap10.0)) (&& (== net461) (< netstandard1.4)) (&& (== net461) (>= netstandard1.6)) (== netstandard1.3)
      System.ObjectModel (>= 4.3) - restriction: || (&& (== net461) (< net45)) (&& (== net461) (>= uap10.0)) (&& (== net461) (>= netstandard1.6)) (&& (== net461) (< portable-net45+win8+wpa81)) (== netstandard1.3)
      System.Reflection (>= 4.3) - restriction: || (&& (== net461) (< net45)) (&& (== net461) (>= uap10.0)) (&& (== net461) (>= netstandard1.6)) (&& (== net461) (< portable-net45+win8+wpa81)) (== netstandard1.3)
      System.Reflection.Extensions (>= 4.3) - restriction: || (&& (== net461) (< net45)) (&& (== net461) (>= uap10.0)) (&& (== net461) (>= netstandard1.6)) (&& (== net461) (< portable-net45+win8+wpa81)) (== netstandard1.3)
      System.Reflection.Primitives (>= 4.3) - restriction: || (&& (== net461) (< net45)) (&& (== net461) (>= uap10.0)) (&& (== net461) (>= netstandard1.6)) (&& (== net461) (< portable-net45+win8+wpa81)) (== netstandard1.3)
      System.Resources.ResourceManager (>= 4.3) - restriction: || (&& (== net461) (< net45)) (&& (== net461) (>= uap10.0)) (&& (== net461) (>= netstandard1.6)) (&& (== net461) (< portable-net45+win8+wpa81)) (== netstandard1.3)
      System.Runtime (>= 4.3) - restriction: || (&& (== net461) (< net45)) (&& (== net461) (>= uap10.0)) (&& (== net461) (>= netstandard1.6)) (&& (== net461) (< portable-net45+win8+wpa81)) (== netstandard1.3)
      System.Runtime.Extensions (>= 4.3) - restriction: || (&& (== net461) (< net45)) (&& (== net461) (>= uap10.0)) (&& (== net461) (>= netstandard1.6)) (&& (== net461) (< portable-net45+win8+wpa81)) (== netstandard1.3)
      System.Runtime.Handles (>= 4.3) - restriction: || (&& (== net461) (< net45)) (&& (== net461) (>= uap10.0)) (&& (== net461) (>= netstandard1.6)) (== netstandard1.3)
      System.Runtime.InteropServices (>= 4.3) - restriction: || (&& (== net461) (< net45)) (&& (== net461) (>= uap10.0)) (&& (== net461) (>= netstandard1.6)) (== netstandard1.3)
      System.Runtime.InteropServices.RuntimeInformation (>= 4.3) - restriction: || (&& (== net461) (< net45)) (&& (== net461) (>= uap10.0)) (&& (== net461) (< netstandard1.0)) (&& (== net461) (< netstandard1.3)) (&& (== net461) (< netstandard1.4)) (&& (== net461) (>= netstandard1.6)) (&& (== net461) (< portable-net451+win81+wpa81)) (== netstandard1.3)
      System.Runtime.Numerics (>= 4.3) - restriction: || (&& (== net461) (< net45)) (&& (== net461) (>= uap10.0)) (&& (== net461) (>= netstandard1.6)) (== netstandard1.3)
      System.Security.Cryptography.Algorithms (>= 4.3) - restriction: || (&& (== net461) (< net45)) (&& (== net461) (>= uap10.0)) (&& (== net461) (< netstandard1.4)) (&& (== net461) (>= netstandard1.6)) (== netstandard1.3)
      System.Security.Cryptography.Encoding (>= 4.3) - restriction: || (&& (== net461) (< net45)) (&& (== net461) (>= uap10.0)) (&& (== net461) (< netstandard1.4)) (&& (== net461) (>= netstandard1.6)) (== netstandard1.3)
      System.Security.Cryptography.Primitives (>= 4.3) - restriction: || (&& (== net461) (< net45)) (&& (== net461) (>= uap10.0)) (&& (== net461) (< netstandard1.4)) (&& (== net461) (>= netstandard1.6)) (== netstandard1.3)
      System.Security.Cryptography.X509Certificates (>= 4.3) - restriction: || (&& (== net461) (< net45)) (&& (== net461) (>= uap10.0)) (&& (== net461) (< netstandard1.4)) (&& (== net461) (>= netstandard1.6)) (== netstandard1.3)
      System.Text.Encoding (>= 4.3) - restriction: || (&& (== net461) (< net45)) (&& (== net461) (>= uap10.0)) (&& (== net461) (>= netstandard1.6)) (&& (== net461) (< portable-net45+win8+wpa81)) (== netstandard1.3)
      System.Text.Encoding.Extensions (>= 4.3) - restriction: || (&& (== net461) (< net45)) (&& (== net461) (>= uap10.0)) (&& (== net461) (>= netstandard1.6)) (&& (== net461) (< portable-net45+win8+wpa81)) (== netstandard1.3)
      System.Text.RegularExpressions (>= 4.3) - restriction: || (&& (== net461) (< net45)) (&& (== net461) (>= uap10.0)) (&& (== net461) (>= netstandard1.6)) (&& (== net461) (< portable-net45+win8+wpa81)) (== netstandard1.3)
      System.Threading (>= 4.3) - restriction: || (&& (== net461) (< net45)) (&& (== net461) (>= uap10.0)) (&& (== net461) (>= netstandard1.6)) (&& (== net461) (< portable-net45+win8+wpa81)) (== netstandard1.3)
      System.Threading.Tasks (>= 4.3) - restriction: || (&& (== net461) (< net45)) (&& (== net461) (>= uap10.0)) (&& (== net461) (>= netstandard1.6)) (&& (== net461) (< portable-net45+win8+wpa81)) (== netstandard1.3)
      System.Threading.Timer (>= 4.3) - restriction: || (&& (== net461) (< net45)) (&& (== net461) (>= uap10.0)) (&& (== net461) (>= netstandard1.6)) (== netstandard1.3)
      System.Xml.ReaderWriter (>= 4.3) - restriction: || (&& (== net461) (< net45)) (&& (== net461) (>= uap10.0)) (&& (== net461) (< netstandard1.4)) (&& (== net461) (>= netstandard1.6)) (&& (== net461) (< portable-net45+win8+wpa81)) (== netstandard1.3)
      System.Xml.XDocument (>= 4.3) - restriction: || (&& (== net461) (< net45)) (&& (== net461) (>= uap10.0)) (&& (== net461) (>= netstandard1.6)) (&& (== net461) (< portable-net45+win8+wpa81)) (== netstandard1.3)
    NUnit3TestAdapter (3.8)
    runtime.debian.8-x64.runtime.native.System.Security.Cryptography.OpenSsl (4.3.1) - restriction: || (&& (== net461) (== netstandard1.3)) (&& (== net461) (< net46)) (== netstandard1.3)
    runtime.fedora.23-x64.runtime.native.System.Security.Cryptography.OpenSsl (4.3.1) - restriction: || (&& (== net461) (== netstandard1.3)) (&& (== net461) (< net46)) (== netstandard1.3)
    runtime.fedora.24-x64.runtime.native.System.Security.Cryptography.OpenSsl (4.3.1) - restriction: || (&& (== net461) (== netstandard1.3)) (&& (== net461) (< net46)) (== netstandard1.3)
    runtime.native.System (4.3) - restriction: || (&& (== net461) (== netstandard1.3)) (&& (== net461) (< net45)) (== netstandard1.3)
      Microsoft.NETCore.Platforms (>= 1.1)
      Microsoft.NETCore.Targets (>= 1.1)
    runtime.native.System.IO.Compression (4.3) - restriction: || (&& (== net461) (== netstandard1.3)) (&& (== net461) (< net45)) (&& (== net461) (>= dnxcore50)) (== netstandard1.3)
      Microsoft.NETCore.Platforms (>= 1.1)
      Microsoft.NETCore.Targets (>= 1.1)
    runtime.native.System.Security.Cryptography.OpenSsl (4.3.1) - restriction: || (&& (== net461) (== netstandard1.3)) (&& (== net461) (< net46)) (== netstandard1.3)
      runtime.debian.8-x64.runtime.native.System.Security.Cryptography.OpenSsl (>= 4.3.1)
      runtime.fedora.23-x64.runtime.native.System.Security.Cryptography.OpenSsl (>= 4.3.1)
      runtime.fedora.24-x64.runtime.native.System.Security.Cryptography.OpenSsl (>= 4.3.1)
      runtime.opensuse.13.2-x64.runtime.native.System.Security.Cryptography.OpenSsl (>= 4.3.1)
      runtime.opensuse.42.1-x64.runtime.native.System.Security.Cryptography.OpenSsl (>= 4.3.1)
      runtime.osx.10.10-x64.runtime.native.System.Security.Cryptography.OpenSsl (>= 4.3.1)
      runtime.rhel.7-x64.runtime.native.System.Security.Cryptography.OpenSsl (>= 4.3.1)
      runtime.ubuntu.14.04-x64.runtime.native.System.Security.Cryptography.OpenSsl (>= 4.3.1)
      runtime.ubuntu.16.04-x64.runtime.native.System.Security.Cryptography.OpenSsl (>= 4.3.1)
      runtime.ubuntu.16.10-x64.runtime.native.System.Security.Cryptography.OpenSsl (>= 4.3.1)
    runtime.opensuse.13.2-x64.runtime.native.System.Security.Cryptography.OpenSsl (4.3.1) - restriction: || (&& (== net461) (== netstandard1.3)) (&& (== net461) (< net46)) (== netstandard1.3)
    runtime.opensuse.42.1-x64.runtime.native.System.Security.Cryptography.OpenSsl (4.3.1) - restriction: || (&& (== net461) (== netstandard1.3)) (&& (== net461) (< net46)) (== netstandard1.3)
    runtime.osx.10.10-x64.runtime.native.System.Security.Cryptography.OpenSsl (4.3.1) - restriction: || (&& (== net461) (== netstandard1.3)) (&& (== net461) (< net46)) (== netstandard1.3)
    runtime.rhel.7-x64.runtime.native.System.Security.Cryptography.OpenSsl (4.3.1) - restriction: || (&& (== net461) (== netstandard1.3)) (&& (== net461) (< net46)) (== netstandard1.3)
    runtime.ubuntu.14.04-x64.runtime.native.System.Security.Cryptography.OpenSsl (4.3.1) - restriction: || (&& (== net461) (== netstandard1.3)) (&& (== net461) (< net46)) (== netstandard1.3)
    runtime.ubuntu.16.04-x64.runtime.native.System.Security.Cryptography.OpenSsl (4.3.1) - restriction: || (&& (== net461) (== netstandard1.3)) (&& (== net461) (< net46)) (== netstandard1.3)
    runtime.ubuntu.16.10-x64.runtime.native.System.Security.Cryptography.OpenSsl (4.3.1) - restriction: || (&& (== net461) (== netstandard1.3)) (&& (== net461) (< net46)) (== netstandard1.3)
    System.AppContext (4.3)
      System.Runtime (>= 4.3) - restriction: || (&& (== net461) (< net46)) (&& (== net461) (>= dnxcore50)) (&& (== net461) (>= netstandard1.6)) (== netstandard1.3)
    System.Buffers (4.4) - restriction: || (&& (== net461) (== netstandard1.3)) (&& (== net461) (< net45)) (&& (== net461) (>= dnxcore50)) (== netstandard1.3)
      System.Diagnostics.Debug (>= 4.3)
      System.Diagnostics.Tracing (>= 4.3)
      System.Resources.ResourceManager (>= 4.3)
      System.Runtime (>= 4.3)
      System.Threading (>= 4.3)
    System.Collections (4.3)
      Microsoft.NETCore.Platforms (>= 1.1) - restriction: || (&& (== net461) (< net45)) (&& (== net461) (>= dnxcore50)) (== netstandard1.3)
      Microsoft.NETCore.Targets (>= 1.1) - restriction: || (&& (== net461) (< net45)) (&& (== net461) (>= dnxcore50)) (== netstandard1.3)
      System.Runtime (>= 4.3) - restriction: || (&& (== net461) (< net45)) (&& (== net461) (>= dnxcore50)) (== netstandard1.3)
    System.Collections.Concurrent (4.3)
      System.Collections (>= 4.3) - restriction: || (&& (== net461) (< net45)) (&& (== net461) (>= dnxcore50)) (== netstandard1.3)
      System.Diagnostics.Debug (>= 4.3) - restriction: || (&& (== net461) (< net45)) (&& (== net461) (>= dnxcore50)) (== netstandard1.3)
      System.Diagnostics.Tracing (>= 4.3) - restriction: || (&& (== net461) (< net45)) (&& (== net461) (>= dnxcore50)) (== netstandard1.3)
      System.Globalization (>= 4.3) - restriction: || (&& (== net461) (< net45)) (&& (== net461) (>= dnxcore50)) (== netstandard1.3)
      System.Reflection (>= 4.3) - restriction: || (&& (== net461) (< net45)) (== netstandard1.3)
      System.Resources.ResourceManager (>= 4.3) - restriction: || (&& (== net461) (< net45)) (&& (== net461) (>= dnxcore50)) (== netstandard1.3)
      System.Runtime (>= 4.3) - restriction: || (&& (== net461) (< net45)) (&& (== net461) (>= dnxcore50)) (== netstandard1.3)
      System.Runtime.Extensions (>= 4.3) - restriction: || (&& (== net461) (< net45)) (&& (== net461) (>= dnxcore50)) (== netstandard1.3)
      System.Threading (>= 4.3) - restriction: || (&& (== net461) (< net45)) (&& (== net461) (>= dnxcore50)) (== netstandard1.3)
      System.Threading.Tasks (>= 4.3) - restriction: || (&& (== net461) (< net45)) (&& (== net461) (>= dnxcore50)) (== netstandard1.3)
    System.Collections.Immutable (1.4)
      NETStandard.Library (>= 1.6.1)
    System.Composition (1.1)
      System.Composition.AttributedModel (>= 1.1)
      System.Composition.Convention (>= 1.1)
      System.Composition.Hosting (>= 1.1)
      System.Composition.Runtime (>= 1.1)
      System.Composition.TypedParts (>= 1.1)
    System.Composition.AttributedModel (1.1)
      NETStandard.Library (>= 1.6.1)
    System.Composition.Convention (1.1)
      NETStandard.Library (>= 1.6.1)
      System.Composition.AttributedModel (>= 1.1)
    System.Composition.Hosting (1.1)
      NETStandard.Library (>= 1.6.1)
      System.Composition.Runtime (>= 1.1)
    System.Composition.Runtime (1.1)
      NETStandard.Library (>= 1.6.1)
    System.Composition.TypedParts (1.1)
      NETStandard.Library (>= 1.6.1)
      System.Composition.AttributedModel (>= 1.1)
      System.Composition.Hosting (>= 1.1)
      System.Composition.Runtime (>= 1.1)
    System.Console (4.3)
      Microsoft.NETCore.Platforms (>= 1.1) - restriction: || (&& (== net461) (< net46)) (== netstandard1.3)
      Microsoft.NETCore.Targets (>= 1.1) - restriction: || (&& (== net461) (< net46)) (== netstandard1.3)
      System.IO (>= 4.3) - restriction: || (&& (== net461) (< net46)) (== netstandard1.3)
      System.Runtime (>= 4.3) - restriction: || (&& (== net461) (< net46)) (== netstandard1.3)
      System.Text.Encoding (>= 4.3) - restriction: || (&& (== net461) (< net46)) (== netstandard1.3)
    System.Diagnostics.Contracts (4.3) - restriction: || (&& (== net461) (== netstandard1.3)) (&& (== net461) (< net46)) (== netstandard1.3)
      System.Runtime (>= 4.3) - restriction: || (&& (== net461) (< net45)) (&& (== net461) (>= dnxcore50)) (== netstandard1.3)
    System.Diagnostics.Debug (4.3)
      Microsoft.NETCore.Platforms (>= 1.1) - restriction: || (&& (== net461) (< net45)) (&& (== net461) (>= dnxcore50)) (== netstandard1.3)
      Microsoft.NETCore.Targets (>= 1.1) - restriction: || (&& (== net461) (< net45)) (&& (== net461) (>= dnxcore50)) (== netstandard1.3)
      System.Runtime (>= 4.3) - restriction: || (&& (== net461) (< net45)) (&& (== net461) (>= dnxcore50)) (== netstandard1.3)
    System.Diagnostics.DiagnosticSource (4.4.1) - restriction: || (&& (== net461) (== netstandard1.3)) (&& (== net461) (< net45)) (&& (== net461) (>= uap10.0)) (&& (== net461) (>= dnxcore50)) (&& (== net461) (>= netstandard1.6)) (== netstandard1.3)
      System.Collections (>= 4.3) - restriction: || (&& (== net461) (< net45)) (== netstandard1.3)
      System.Diagnostics.Debug (>= 4.3) - restriction: || (&& (== net461) (< net45)) (== netstandard1.3)
      System.Diagnostics.Tracing (>= 4.3) - restriction: || (&& (== net461) (< net45)) (== netstandard1.3)
      System.Reflection (>= 4.3) - restriction: || (&& (== net461) (< net45)) (== netstandard1.3)
      System.Runtime (>= 4.3) - restriction: || (&& (== net461) (< net45)) (== netstandard1.3)
      System.Runtime.Extensions (>= 4.3) - restriction: || (&& (== net461) (< net45)) (== netstandard1.3)
      System.Threading (>= 4.3) - restriction: || (&& (== net461) (< net45)) (== netstandard1.3)
    System.Diagnostics.FileVersionInfo (4.3)
      Microsoft.NETCore.Platforms (>= 1.1) - restriction: || (&& (== net461) (< net46)) (&& (== net461) (>= dnxcore50)) (== netstandard1.3)
      System.Globalization (>= 4.3) - restriction: || (&& (== net461) (< net46)) (== netstandard1.3)
      System.IO (>= 4.3) - restriction: || (&& (== net461) (< net46)) (&& (== net461) (>= dnxcore50)) (== netstandard1.3)
      System.IO.FileSystem (>= 4.3) - restriction: || (&& (== net461) (< net46)) (&& (== net461) (>= dnxcore50)) (== netstandard1.3)
      System.IO.FileSystem.Primitives (>= 4.3) - restriction: || (&& (== net461) (< net46)) (&& (== net461) (>= dnxcore50)) (== netstandard1.3)
      System.Reflection.Metadata (>= 1.4.1) - restriction: || (&& (== net461) (< net46)) (&& (== net461) (>= dnxcore50)) (== netstandard1.3)
      System.Runtime (>= 4.3) - restriction: || (&& (== net461) (< net46)) (&& (== net461) (>= dnxcore50)) (== netstandard1.3)
      System.Runtime.Extensions (>= 4.3) - restriction: || (&& (== net461) (< net46)) (&& (== net461) (>= dnxcore50)) (== netstandard1.3)
      System.Runtime.InteropServices (>= 4.3) - restriction: || (&& (== net461) (< net46)) (== netstandard1.3)
    System.Diagnostics.StackTrace (4.3)
      System.IO.FileSystem (>= 4.3) - restriction: || (&& (== net461) (< net46)) (== netstandard1.3)
      System.Reflection (>= 4.3) - restriction: || (&& (== net461) (< net46)) (== netstandard1.3)
      System.Reflection.Metadata (>= 1.4.1) - restriction: || (&& (== net461) (< net46)) (== netstandard1.3)
      System.Runtime (>= 4.3) - restriction: || (&& (== net461) (< net46)) (== netstandard1.3)
    System.Diagnostics.Tools (4.3)
      Microsoft.NETCore.Platforms (>= 1.1) - restriction: || (&& (== net461) (< net45)) (&& (== net461) (>= dnxcore50)) (== netstandard1.3)
      Microsoft.NETCore.Targets (>= 1.1) - restriction: || (&& (== net461) (< net45)) (&& (== net461) (>= dnxcore50)) (== netstandard1.3)
      System.Runtime (>= 4.3) - restriction: || (&& (== net461) (< net45)) (&& (== net461) (>= dnxcore50)) (== netstandard1.3)
    System.Diagnostics.Tracing (4.3) - restriction: || (&& (== net461) (< net45)) (&& (== net461) (>= dnxcore50)) (== netstandard1.3)
      Microsoft.NETCore.Platforms (>= 1.1) - restriction: || (&& (== net461) (< net45)) (&& (== net461) (>= dnxcore50)) (== netstandard1.3)
      Microsoft.NETCore.Targets (>= 1.1) - restriction: || (&& (== net461) (< net45)) (&& (== net461) (>= dnxcore50)) (== netstandard1.3)
      System.Runtime (>= 4.3) - restriction: || (&& (== net461) (< net45)) (&& (== net461) (>= dnxcore50)) (== netstandard1.3)
    System.Dynamic.Runtime (4.3)
      System.Collections (>= 4.3) - restriction: || (&& (== net461) (< net45)) (&& (== net461) (>= dnxcore50)) (== netstandard1.3)
      System.Diagnostics.Debug (>= 4.3) - restriction: || (&& (== net461) (< net45)) (&& (== net461) (>= dnxcore50)) (== netstandard1.3)
      System.Linq (>= 4.3) - restriction: || (&& (== net461) (< net45)) (&& (== net461) (>= dnxcore50)) (== netstandard1.3)
      System.Linq.Expressions (>= 4.3) - restriction: || (&& (== net461) (< net45)) (&& (== net461) (>= dnxcore50)) (== netstandard1.3)
      System.ObjectModel (>= 4.3) - restriction: || (&& (== net461) (< net45)) (&& (== net461) (>= dnxcore50)) (== netstandard1.3)
      System.Reflection (>= 4.3) - restriction: || (&& (== net461) (< net45)) (&& (== net461) (>= dnxcore50)) (== netstandard1.3)
      System.Reflection.Emit (>= 4.3) - restriction: || (&& (== net461) (< net45)) (== netstandard1.3)
      System.Reflection.Emit.ILGeneration (>= 4.3) - restriction: || (&& (== net461) (< net45)) (== netstandard1.3)
      System.Reflection.Primitives (>= 4.3) - restriction: || (&& (== net461) (< net45)) (== netstandard1.3)
      System.Reflection.TypeExtensions (>= 4.3) - restriction: || (&& (== net461) (< net45)) (&& (== net461) (>= dnxcore50)) (== netstandard1.3)
      System.Resources.ResourceManager (>= 4.3) - restriction: || (&& (== net461) (< net45)) (&& (== net461) (>= dnxcore50)) (== netstandard1.3)
      System.Runtime (>= 4.3) - restriction: || (&& (== net461) (< net45)) (&& (== net461) (>= dnxcore50)) (== netstandard1.3)
      System.Runtime.Extensions (>= 4.3) - restriction: || (&& (== net461) (< net45)) (&& (== net461) (>= dnxcore50)) (== netstandard1.3)
      System.Threading (>= 4.3) - restriction: || (&& (== net461) (< net45)) (&& (== net461) (>= dnxcore50)) (== netstandard1.3)
    System.Globalization (4.3)
      Microsoft.NETCore.Platforms (>= 1.1) - restriction: || (&& (== net461) (< net45)) (&& (== net461) (>= dnxcore50)) (== netstandard1.3)
      Microsoft.NETCore.Targets (>= 1.1) - restriction: || (&& (== net461) (< net45)) (&& (== net461) (>= dnxcore50)) (== netstandard1.3)
      System.Runtime (>= 4.3) - restriction: || (&& (== net461) (< net45)) (&& (== net461) (>= dnxcore50)) (== netstandard1.3)
    System.Globalization.Calendars (4.3) - restriction: || (&& (== net461) (== netstandard1.3)) (&& (== net461) (< net45)) (&& (== net461) (>= uap10.0)) (&& (== net461) (< netstandard1.4)) (&& (== net461) (>= netstandard1.6)) (== netstandard1.3)
      Microsoft.NETCore.Platforms (>= 1.1) - restriction: || (&& (== net461) (< net46)) (== netstandard1.3)
      Microsoft.NETCore.Targets (>= 1.1) - restriction: || (&& (== net461) (< net46)) (== netstandard1.3)
      System.Globalization (>= 4.3) - restriction: || (&& (== net461) (< net46)) (== netstandard1.3)
      System.Runtime (>= 4.3) - restriction: || (&& (== net461) (< net46)) (== netstandard1.3)
    System.IO (4.3) - restriction: || (&& (== net461) (< net45)) (&& (== net461) (< net46)) (&& (== net461) (>= net463)) (&& (== net461) (>= dnxcore50)) (&& (== net461) (>= netstandard1.6)) (== netstandard1.3)
      Microsoft.NETCore.Platforms (>= 1.1) - restriction: || (&& (== net461) (< net45)) (&& (== net461) (>= dnxcore50)) (== netstandard1.3)
      Microsoft.NETCore.Targets (>= 1.1) - restriction: || (&& (== net461) (< net45)) (&& (== net461) (>= dnxcore50)) (== netstandard1.3)
      System.Runtime (>= 4.3) - restriction: || (&& (== net461) (< net45)) (&& (== net461) (>= dnxcore50)) (== netstandard1.3)
      System.Text.Encoding (>= 4.3) - restriction: || (&& (== net461) (< net45)) (&& (== net461) (>= dnxcore50)) (== netstandard1.3)
      System.Threading.Tasks (>= 4.3) - restriction: || (&& (== net461) (< net45)) (&& (== net461) (>= dnxcore50)) (== netstandard1.3)
    System.IO.Compression (4.3)
      Microsoft.NETCore.Platforms (>= 1.1) - restriction: || (&& (== net461) (< net45)) (== netstandard1.3)
      runtime.native.System (>= 4.3) - restriction: || (&& (== net461) (< net45)) (== netstandard1.3)
      runtime.native.System.IO.Compression (>= 4.3) - restriction: || (&& (== net461) (< net45)) (&& (== net461) (>= dnxcore50)) (== netstandard1.3)
      System.Buffers (>= 4.3) - restriction: || (&& (== net461) (< net45)) (&& (== net461) (>= dnxcore50)) (== netstandard1.3)
      System.Collections (>= 4.3) - restriction: || (&& (== net461) (< net45)) (&& (== net461) (>= dnxcore50)) (== netstandard1.3)
      System.Diagnostics.Debug (>= 4.3) - restriction: || (&& (== net461) (< net45)) (&& (== net461) (>= dnxcore50)) (== netstandard1.3)
      System.IO (>= 4.3) - restriction: || (&& (== net461) (< net45)) (&& (== net461) (>= dnxcore50)) (== netstandard1.3)
      System.Resources.ResourceManager (>= 4.3) - restriction: || (&& (== net461) (< net45)) (&& (== net461) (>= dnxcore50)) (== netstandard1.3)
      System.Runtime (>= 4.3) - restriction: || (&& (== net461) (< net45)) (&& (== net461) (>= dnxcore50)) (== netstandard1.3)
      System.Runtime.Extensions (>= 4.3) - restriction: || (&& (== net461) (< net45)) (&& (== net461) (>= dnxcore50)) (== netstandard1.3)
      System.Runtime.Handles (>= 4.3) - restriction: || (&& (== net461) (< net45)) (&& (== net461) (>= dnxcore50)) (== netstandard1.3)
      System.Runtime.InteropServices (>= 4.3) - restriction: || (&& (== net461) (< net45)) (&& (== net461) (>= dnxcore50)) (== netstandard1.3)
      System.Text.Encoding (>= 4.3) - restriction: || (&& (== net461) (< net45)) (&& (== net461) (>= dnxcore50)) (== netstandard1.3)
      System.Threading (>= 4.3) - restriction: || (&& (== net461) (< net45)) (&& (== net461) (>= dnxcore50)) (== netstandard1.3)
      System.Threading.Tasks (>= 4.3) - restriction: || (&& (== net461) (< net45)) (&& (== net461) (>= dnxcore50)) (== netstandard1.3)
    System.IO.Compression.ZipFile (4.3) - restriction: || (&& (== net461) (== netstandard1.3)) (&& (== net461) (< net45)) (&& (== net461) (>= uap10.0)) (&& (== net461) (< netstandard1.4)) (&& (== net461) (>= netstandard1.6)) (== netstandard1.3)
      System.Buffers (>= 4.3) - restriction: || (&& (== net461) (< net46)) (== netstandard1.3)
      System.IO (>= 4.3) - restriction: || (&& (== net461) (< net46)) (== netstandard1.3)
      System.IO.Compression (>= 4.3) - restriction: || (&& (== net461) (< net46)) (== netstandard1.3)
      System.IO.FileSystem (>= 4.3) - restriction: || (&& (== net461) (< net46)) (== netstandard1.3)
      System.IO.FileSystem.Primitives (>= 4.3) - restriction: || (&& (== net461) (< net46)) (== netstandard1.3)
      System.Resources.ResourceManager (>= 4.3) - restriction: || (&& (== net461) (< net46)) (== netstandard1.3)
      System.Runtime (>= 4.3) - restriction: || (&& (== net461) (< net46)) (== netstandard1.3)
      System.Runtime.Extensions (>= 4.3) - restriction: || (&& (== net461) (< net46)) (== netstandard1.3)
      System.Text.Encoding (>= 4.3) - restriction: || (&& (== net461) (< net46)) (== netstandard1.3)
    System.IO.FileSystem (4.3)
      Microsoft.NETCore.Platforms (>= 1.1) - restriction: || (&& (== net461) (< net46)) (== netstandard1.3)
      Microsoft.NETCore.Targets (>= 1.1) - restriction: || (&& (== net461) (< net46)) (== netstandard1.3)
      System.IO (>= 4.3) - restriction: || (&& (== net461) (< net46)) (== netstandard1.3)
      System.IO.FileSystem.Primitives (>= 4.3)
      System.Runtime (>= 4.3) - restriction: || (&& (== net461) (< net46)) (== netstandard1.3)
      System.Runtime.Handles (>= 4.3) - restriction: || (&& (== net461) (< net46)) (== netstandard1.3)
      System.Text.Encoding (>= 4.3) - restriction: || (&& (== net461) (< net46)) (== netstandard1.3)
      System.Threading.Tasks (>= 4.3) - restriction: || (&& (== net461) (< net46)) (== netstandard1.3)
    System.IO.FileSystem.Primitives (4.3)
      System.Runtime (>= 4.3) - restriction: || (&& (== net461) (< net46)) (== netstandard1.3)
    System.Linq (4.3)
      System.Collections (>= 4.3) - restriction: || (&& (== net461) (< net45)) (&& (== net461) (>= dnxcore50)) (&& (== net461) (>= netstandard1.6)) (== netstandard1.3)
      System.Runtime (>= 4.3) - restriction: || (&& (== net461) (< net45)) (&& (== net461) (>= dnxcore50)) (&& (== net461) (>= netstandard1.6)) (== netstandard1.3)
    System.Linq.Expressions (4.3)
      System.Reflection (>= 4.3) - restriction: || (&& (== net461) (< net45)) (&& (== net461) (>= dnxcore50)) (&& (== net461) (>= netstandard1.6)) (== netstandard1.3)
      System.Runtime (>= 4.3) - restriction: || (&& (== net461) (< net45)) (&& (== net461) (>= dnxcore50)) (&& (== net461) (>= netstandard1.6)) (== netstandard1.3)
    System.Linq.Parallel (4.3) - restriction: || (&& (== net461) (== netstandard1.3)) (&& (== net461) (< net46)) (== netstandard1.3)
      System.Collections (>= 4.3) - restriction: || (&& (== net461) (< net45)) (&& (== net461) (>= dnxcore50)) (== netstandard1.3)
      System.Collections.Concurrent (>= 4.3) - restriction: || (&& (== net461) (< net45)) (&& (== net461) (>= dnxcore50)) (== netstandard1.3)
      System.Diagnostics.Debug (>= 4.3) - restriction: || (&& (== net461) (< net45)) (&& (== net461) (>= dnxcore50)) (== netstandard1.3)
      System.Diagnostics.Tracing (>= 4.3) - restriction: || (&& (== net461) (< net45)) (&& (== net461) (>= dnxcore50)) (== netstandard1.3)
      System.Linq (>= 4.3) - restriction: || (&& (== net461) (< net45)) (&& (== net461) (>= dnxcore50)) (== netstandard1.3)
      System.Resources.ResourceManager (>= 4.3) - restriction: || (&& (== net461) (< net45)) (&& (== net461) (>= dnxcore50)) (== netstandard1.3)
      System.Runtime (>= 4.3) - restriction: || (&& (== net461) (< net45)) (&& (== net461) (>= dnxcore50)) (== netstandard1.3)
      System.Runtime.Extensions (>= 4.3) - restriction: || (&& (== net461) (< net45)) (&& (== net461) (>= dnxcore50)) (== netstandard1.3)
      System.Threading (>= 4.3) - restriction: || (&& (== net461) (< net45)) (&& (== net461) (>= dnxcore50)) (== netstandard1.3)
      System.Threading.Tasks (>= 4.3) - restriction: || (&& (== net461) (< net45)) (&& (== net461) (>= dnxcore50)) (== netstandard1.3)
    System.Net.Http (4.3.2) - restriction: || (&& (== net461) (== netstandard1.3)) (&& (== net461) (< net45)) (&& (== net461) (>= uap10.0)) (&& (== net461) (< netstandard1.4)) (&& (== net461) (>= netstandard1.6)) (== netstandard1.3)
      Microsoft.NETCore.Platforms (>= 1.1) - restriction: || (&& (== net461) (< net45)) (&& (== net461) (>= dnxcore50)) (&& (== net461) (>= netstandard1.6)) (== netstandard1.3)
      Microsoft.Win32.Primitives (>= 4.3) - restriction: || (&& (== net461) (< net45)) (== netstandard1.3)
      System.Collections (>= 4.3) - restriction: || (&& (== net461) (< net45)) (&& (== net461) (>= dnxcore50)) (&& (== net461) (>= netstandard1.6)) (== netstandard1.3)
      System.Diagnostics.Debug (>= 4.3) - restriction: || (&& (== net461) (< net45)) (&& (== net461) (>= dnxcore50)) (&& (== net461) (>= netstandard1.6)) (== netstandard1.3)
      System.Diagnostics.DiagnosticSource (>= 4.3) - restriction: || (&& (== net461) (< net45)) (&& (== net461) (>= dnxcore50)) (&& (== net461) (>= netstandard1.6)) (== netstandard1.3)
      System.Diagnostics.Tracing (>= 4.3) - restriction: || (&& (== net461) (< net45)) (&& (== net461) (>= dnxcore50)) (&& (== net461) (>= netstandard1.6)) (== netstandard1.3)
      System.Globalization (>= 4.3) - restriction: || (&& (== net461) (< net45)) (&& (== net461) (>= dnxcore50)) (&& (== net461) (>= netstandard1.6)) (== netstandard1.3)
      System.IO (>= 4.3) - restriction: || (&& (== net461) (< net45)) (&& (== net461) (>= dnxcore50)) (&& (== net461) (>= netstandard1.6)) (== netstandard1.3)
      System.IO.Compression (>= 4.3) - restriction: || (&& (== net461) (< net45)) (== netstandard1.3)
      System.Net.Primitives (>= 4.3) - restriction: || (&& (== net461) (< net45)) (&& (== net461) (>= dnxcore50)) (&& (== net461) (>= netstandard1.6)) (== netstandard1.3)
      System.Resources.ResourceManager (>= 4.3) - restriction: || (&& (== net461) (< net45)) (&& (== net461) (>= dnxcore50)) (&& (== net461) (>= netstandard1.6)) (== netstandard1.3)
      System.Runtime (>= 4.3) - restriction: || (&& (== net461) (< net45)) (&& (== net461) (>= dnxcore50)) (&& (== net461) (>= netstandard1.6)) (== netstandard1.3)
      System.Runtime.Extensions (>= 4.3) - restriction: || (&& (== net461) (< net45)) (&& (== net461) (>= dnxcore50)) (&& (== net461) (>= netstandard1.6)) (== netstandard1.3)
      System.Runtime.Handles (>= 4.3) - restriction: || (&& (== net461) (< net45)) (&& (== net461) (>= netstandard1.6)) (== netstandard1.3)
      System.Runtime.InteropServices (>= 4.3) - restriction: || (&& (== net461) (< net45)) (&& (== net461) (>= dnxcore50)) (&& (== net461) (>= netstandard1.6)) (== netstandard1.3)
      System.Security.Cryptography.Encoding (>= 4.3) - restriction: || (&& (== net461) (< net45)) (&& (== net461) (>= netstandard1.6)) (== netstandard1.3)
      System.Security.Cryptography.X509Certificates (>= 4.3)
      System.Text.Encoding (>= 4.3) - restriction: || (&& (== net461) (< net45)) (&& (== net461) (>= dnxcore50)) (&& (== net461) (>= netstandard1.6)) (== netstandard1.3)
      System.Threading (>= 4.3) - restriction: || (&& (== net461) (< net45)) (&& (== net461) (>= dnxcore50)) (&& (== net461) (>= netstandard1.6)) (== netstandard1.3)
      System.Threading.Tasks (>= 4.3) - restriction: || (&& (== net461) (< net45)) (&& (== net461) (>= dnxcore50)) (&& (== net461) (>= netstandard1.6)) (== netstandard1.3)
    System.Net.Primitives (4.3) - restriction: || (&& (== net461) (< net45)) (&& (== net461) (>= uap10.0)) (&& (== net461) (>= dnxcore50)) (&& (== net461) (>= netstandard1.6)) (&& (== net461) (< portable-net45+win8+wpa81)) (== netstandard1.3)
      Microsoft.NETCore.Platforms (>= 1.1) - restriction: || (&& (== net461) (< net45)) (&& (== net461) (>= dnxcore50)) (&& (== net461) (< netstandard1.1)) (== netstandard1.3)
      Microsoft.NETCore.Targets (>= 1.1) - restriction: || (&& (== net461) (< net45)) (&& (== net461) (>= dnxcore50)) (&& (== net461) (< netstandard1.1)) (== netstandard1.3)
      System.Runtime (>= 4.3) - restriction: || (&& (== net461) (< net45)) (&& (== net461) (>= dnxcore50)) (&& (== net461) (< netstandard1.1)) (== netstandard1.3)
      System.Runtime.Handles (>= 4.3) - restriction: || (&& (== net461) (< net45)) (&& (== net461) (>= dnxcore50)) (== netstandard1.3)
    System.Net.Sockets (4.3) - restriction: || (&& (== net461) (== netstandard1.3)) (&& (== net461) (< net45)) (&& (== net461) (>= uap10.0)) (&& (== net461) (< netstandard1.4)) (&& (== net461) (>= netstandard1.6)) (== netstandard1.3)
      Microsoft.NETCore.Platforms (>= 1.1) - restriction: || (&& (== net461) (< net46)) (== netstandard1.3)
      Microsoft.NETCore.Targets (>= 1.1) - restriction: || (&& (== net461) (< net46)) (== netstandard1.3)
      System.IO (>= 4.3) - restriction: || (&& (== net461) (< net46)) (== netstandard1.3)
      System.Net.Primitives (>= 4.3) - restriction: || (&& (== net461) (< net46)) (== netstandard1.3)
      System.Runtime (>= 4.3) - restriction: || (&& (== net461) (< net46)) (== netstandard1.3)
      System.Threading.Tasks (>= 4.3) - restriction: || (&& (== net461) (< net46)) (== netstandard1.3)
    System.ObjectModel (4.3) - restriction: || (&& (== net461) (== netstandard1.3)) (&& (== net461) (< net46)) (== netstandard1.3)
      System.Collections (>= 4.3) - restriction: || (&& (== net461) (< net45)) (&& (== net461) (>= dnxcore50)) (== netstandard1.3)
      System.Diagnostics.Debug (>= 4.3) - restriction: || (&& (== net461) (< net45)) (&& (== net461) (>= dnxcore50)) (== netstandard1.3)
      System.Resources.ResourceManager (>= 4.3) - restriction: || (&& (== net461) (< net45)) (&& (== net461) (>= dnxcore50)) (== netstandard1.3)
      System.Runtime (>= 4.3) - restriction: || (&& (== net461) (< net45)) (&& (== net461) (>= dnxcore50)) (== netstandard1.3)
      System.Threading (>= 4.3) - restriction: || (&& (== net461) (< net45)) (&& (== net461) (>= dnxcore50)) (== netstandard1.3)
    System.Reflection (4.3)
      Microsoft.NETCore.Platforms (>= 1.1) - restriction: || (&& (== net461) (< net45)) (&& (== net461) (>= dnxcore50)) (== netstandard1.3)
      Microsoft.NETCore.Targets (>= 1.1) - restriction: || (&& (== net461) (< net45)) (&& (== net461) (>= dnxcore50)) (== netstandard1.3)
      System.IO (>= 4.3) - restriction: || (&& (== net461) (< net45)) (&& (== net461) (>= dnxcore50)) (== netstandard1.3)
      System.Reflection.Primitives (>= 4.3) - restriction: || (&& (== net461) (< net45)) (&& (== net461) (>= dnxcore50)) (== netstandard1.3)
      System.Runtime (>= 4.3) - restriction: || (&& (== net461) (< net45)) (&& (== net461) (>= dnxcore50)) (== netstandard1.3)
    System.Reflection.Emit (4.3) - restriction: || (&& (== net461) (== netstandard1.3)) (&& (== net461) (< net45)) (== netstandard1.3)
      System.IO (>= 4.3) - restriction: || (&& (== net461) (< net45)) (== netstandard1.3)
      System.Reflection (>= 4.3) - restriction: || (&& (== net461) (< net45)) (== netstandard1.3)
      System.Reflection.Emit.ILGeneration (>= 4.3) - restriction: || (&& (== net461) (< net45)) (== netstandard1.3)
      System.Reflection.Primitives (>= 4.3) - restriction: || (&& (== net461) (< net45)) (== netstandard1.3)
      System.Runtime (>= 4.3) - restriction: || (&& (== net461) (< net45)) (== netstandard1.3)
    System.Reflection.Emit.ILGeneration (4.3) - restriction: || (&& (== net461) (< net45)) (== netstandard1.3)
      System.Reflection (>= 4.3) - restriction: || (&& (== net461) (< net45)) (== netstandard1.3)
      System.Reflection.Primitives (>= 4.3) - restriction: || (&& (== net461) (< net45)) (== netstandard1.3)
      System.Runtime (>= 4.3) - restriction: || (&& (== net461) (< net45)) (== netstandard1.3)
    System.Reflection.Extensions (4.3) - restriction: || (&& (== net461) (== netstandard1.3)) (&& (== net461) (< net45)) (&& (== net461) (>= uap10.0)) (&& (== net461) (>= netstandard1.6)) (&& (== net461) (< portable-net45+win8+wpa81)) (== netstandard1.3)
      Microsoft.NETCore.Platforms (>= 1.1) - restriction: || (&& (== net461) (< net45)) (&& (== net461) (>= dnxcore50)) (== netstandard1.3)
      Microsoft.NETCore.Targets (>= 1.1) - restriction: || (&& (== net461) (< net45)) (&& (== net461) (>= dnxcore50)) (== netstandard1.3)
      System.Reflection (>= 4.3) - restriction: || (&& (== net461) (< net45)) (&& (== net461) (>= dnxcore50)) (== netstandard1.3)
      System.Runtime (>= 4.3) - restriction: || (&& (== net461) (< net45)) (&& (== net461) (>= dnxcore50)) (== netstandard1.3)
    System.Reflection.Metadata (1.5)
      NETStandard.Library (>= 1.6.1)
      System.Collections.Immutable (>= 1.4)
    System.Reflection.Primitives (4.3) - restriction: || (&& (== net461) (< net45)) (&& (== net461) (>= dnxcore50)) (&& (== net461) (>= netcoreapp1.1)) (== netstandard1.3)
      Microsoft.NETCore.Platforms (>= 1.1) - restriction: || (&& (== net461) (< net45)) (&& (== net461) (>= dnxcore50)) (== netstandard1.3)
      Microsoft.NETCore.Targets (>= 1.1) - restriction: || (&& (== net461) (< net45)) (&& (== net461) (>= dnxcore50)) (== netstandard1.3)
      System.Runtime (>= 4.3) - restriction: || (&& (== net461) (< net45)) (&& (== net461) (>= dnxcore50)) (== netstandard1.3)
    System.Reflection.TypeExtensions (4.4) - restriction: || (&& (== net461) (== netstandard1.3)) (&& (== net461) (< net45)) (&& (== net461) (>= dnxcore50)) (== netstandard1.3)
      System.Reflection (>= 4.3) - restriction: || (&& (== net461) (< net46)) (&& (== net461) (>= dnxcore50)) (== netstandard1.3)
      System.Resources.ResourceManager (>= 4.3) - restriction: || (&& (== net461) (< net46)) (&& (== net461) (>= dnxcore50)) (== netstandard1.3)
      System.Runtime (>= 4.3) - restriction: || (&& (== net461) (< net46)) (&& (== net461) (>= dnxcore50)) (== netstandard1.3)
    System.Resources.ResourceManager (4.3)
      Microsoft.NETCore.Platforms (>= 1.1) - restriction: || (&& (== net461) (< net45)) (&& (== net461) (>= dnxcore50)) (== netstandard1.3)
      Microsoft.NETCore.Targets (>= 1.1) - restriction: || (&& (== net461) (< net45)) (&& (== net461) (>= dnxcore50)) (== netstandard1.3)
      System.Globalization (>= 4.3) - restriction: || (&& (== net461) (< net45)) (&& (== net461) (>= dnxcore50)) (== netstandard1.3)
      System.Reflection (>= 4.3) - restriction: || (&& (== net461) (< net45)) (&& (== net461) (>= dnxcore50)) (== netstandard1.3)
      System.Runtime (>= 4.3) - restriction: || (&& (== net461) (< net45)) (&& (== net461) (>= dnxcore50)) (== netstandard1.3)
    System.Runtime (4.3)
      Microsoft.NETCore.Platforms (>= 1.1) - restriction: || (&& (== net461) (< net45)) (&& (== net461) (>= dnxcore50)) (== netstandard1.3)
      Microsoft.NETCore.Targets (>= 1.1) - restriction: || (&& (== net461) (< net45)) (&& (== net461) (>= dnxcore50)) (== netstandard1.3)
    System.Runtime.Extensions (4.3)
      Microsoft.NETCore.Platforms (>= 1.1) - restriction: || (&& (== net461) (< net45)) (&& (== net461) (>= dnxcore50)) (== netstandard1.3)
      Microsoft.NETCore.Targets (>= 1.1) - restriction: || (&& (== net461) (< net45)) (&& (== net461) (>= dnxcore50)) (== netstandard1.3)
      System.Runtime (>= 4.3) - restriction: || (&& (== net461) (< net45)) (&& (== net461) (>= dnxcore50)) (== netstandard1.3)
    System.Runtime.Handles (4.3) - restriction: || (&& (== net461) (< net45)) (&& (== net461) (< net46)) (&& (== net461) (>= dnxcore50)) (&& (== net461) (>= netstandard1.6)) (&& (== net461) (>= netcoreapp1.1)) (== netstandard1.3)
      Microsoft.NETCore.Platforms (>= 1.1) - restriction: || (&& (== net461) (< net46)) (== netstandard1.3)
      Microsoft.NETCore.Targets (>= 1.1) - restriction: || (&& (== net461) (< net46)) (== netstandard1.3)
      System.Runtime (>= 4.3) - restriction: || (&& (== net461) (< net46)) (== netstandard1.3)
    System.Runtime.InteropServices (4.3)
      Microsoft.NETCore.Platforms (>= 1.1) - restriction: || (&& (== net461) (< net45)) (&& (== net461) (>= dnxcore50)) (&& (== net461) (>= netcoreapp1.1)) (== netstandard1.3)
      Microsoft.NETCore.Targets (>= 1.1) - restriction: || (&& (== net461) (< net45)) (&& (== net461) (>= dnxcore50)) (&& (== net461) (>= netcoreapp1.1)) (== netstandard1.3)
      System.Reflection (>= 4.3) - restriction: || (&& (== net461) (< net45)) (&& (== net461) (>= dnxcore50)) (&& (== net461) (>= netcoreapp1.1)) (== netstandard1.3)
      System.Reflection.Primitives (>= 4.3) - restriction: || (&& (== net461) (< net45)) (&& (== net461) (>= dnxcore50)) (&& (== net461) (>= netcoreapp1.1)) (== netstandard1.3)
      System.Runtime (>= 4.3) - restriction: || (&& (== net461) (< net45)) (&& (== net461) (>= net462)) (&& (== net461) (>= dnxcore50)) (&& (== net461) (>= netcoreapp1.1)) (== netstandard1.3)
      System.Runtime.Handles (>= 4.3) - restriction: || (&& (== net461) (< net45)) (&& (== net461) (>= dnxcore50)) (&& (== net461) (>= netcoreapp1.1)) (== netstandard1.3)
    System.Runtime.InteropServices.RuntimeInformation (4.3) - restriction: || (&& (== net461) (== netstandard1.3)) (&& (== net461) (< net45)) (&& (== net461) (>= uap10.0)) (&& (== net461) (< netstandard1.0)) (&& (== net461) (< netstandard1.3)) (&& (== net461) (< netstandard1.4)) (&& (== net461) (>= netstandard1.6)) (&& (== net461) (< portable-net451+win81+wpa81)) (== netstandard1.3)
      runtime.native.System (>= 4.3) - restriction: || (&& (== net461) (< net45)) (== netstandard1.3)
      System.Reflection (>= 4.3) - restriction: || (&& (== net461) (< net45)) (&& (== net461) (>= dnxcore50)) (== netstandard1.3)
      System.Reflection.Extensions (>= 4.3) - restriction: || (&& (== net461) (< net45)) (&& (== net461) (>= dnxcore50)) (== netstandard1.3)
      System.Resources.ResourceManager (>= 4.3) - restriction: || (&& (== net461) (< net45)) (&& (== net461) (>= dnxcore50)) (== netstandard1.3)
      System.Runtime (>= 4.3) - restriction: || (&& (== net461) (< net45)) (&& (== net461) (>= dnxcore50)) (== netstandard1.3)
      System.Runtime.InteropServices (>= 4.3) - restriction: || (&& (== net461) (< net45)) (== netstandard1.3)
      System.Threading (>= 4.3) - restriction: || (&& (== net461) (< net45)) (&& (== net461) (>= dnxcore50)) (== netstandard1.3)
    System.Runtime.Numerics (4.3)
      System.Globalization (>= 4.3) - restriction: || (&& (== net461) (< net45)) (&& (== net461) (>= dnxcore50)) (== netstandard1.3)
      System.Resources.ResourceManager (>= 4.3) - restriction: || (&& (== net461) (< net45)) (&& (== net461) (>= dnxcore50)) (== netstandard1.3)
      System.Runtime (>= 4.3) - restriction: || (&& (== net461) (< net45)) (&& (== net461) (>= dnxcore50)) (== netstandard1.3)
      System.Runtime.Extensions (>= 4.3) - restriction: || (&& (== net461) (< net45)) (&& (== net461) (>= dnxcore50)) (== netstandard1.3)
    System.Security.Cryptography.Algorithms (4.3)
      System.IO (>= 4.3) - restriction: || (&& (== net461) (< net46)) (&& (== net461) (>= net463)) (&& (== net461) (>= dnxcore50)) (&& (== net461) (>= netstandard1.6)) (== netstandard1.3)
      System.Runtime (>= 4.3) - restriction: || (&& (== net461) (< net46)) (&& (== net461) (>= net463)) (&& (== net461) (>= dnxcore50)) (&& (== net461) (>= netstandard1.6)) (== netstandard1.3)
      System.Security.Cryptography.Primitives (>= 4.3)
    System.Security.Cryptography.Encoding (4.3)
      Microsoft.NETCore.Platforms (>= 1.1) - restriction: || (&& (== net461) (< net46)) (== netstandard1.3)
      runtime.native.System.Security.Cryptography.OpenSsl (>= 4.3) - restriction: || (&& (== net461) (< net46)) (== netstandard1.3)
      System.Collections (>= 4.3) - restriction: || (&& (== net461) (< net46)) (== netstandard1.3)
      System.Collections.Concurrent (>= 4.3) - restriction: || (&& (== net461) (< net46)) (== netstandard1.3)
      System.Linq (>= 4.3) - restriction: || (&& (== net461) (< net46)) (== netstandard1.3)
      System.Resources.ResourceManager (>= 4.3) - restriction: || (&& (== net461) (< net46)) (== netstandard1.3)
      System.Runtime (>= 4.3) - restriction: || (&& (== net461) (< net46)) (== netstandard1.3)
      System.Runtime.Extensions (>= 4.3) - restriction: || (&& (== net461) (< net46)) (== netstandard1.3)
      System.Runtime.Handles (>= 4.3) - restriction: || (&& (== net461) (< net46)) (== netstandard1.3)
      System.Runtime.InteropServices (>= 4.3) - restriction: || (&& (== net461) (< net46)) (== netstandard1.3)
      System.Security.Cryptography.Primitives (>= 4.3) - restriction: || (&& (== net461) (< net46)) (== netstandard1.3)
      System.Text.Encoding (>= 4.3) - restriction: || (&& (== net461) (< net46)) (== netstandard1.3)
    System.Security.Cryptography.Primitives (4.3)
      System.Diagnostics.Debug (>= 4.3) - restriction: || (&& (== net461) (< net46)) (== netstandard1.3)
      System.Globalization (>= 4.3) - restriction: || (&& (== net461) (< net46)) (== netstandard1.3)
      System.IO (>= 4.3) - restriction: || (&& (== net461) (< net46)) (== netstandard1.3)
      System.Resources.ResourceManager (>= 4.3) - restriction: || (&& (== net461) (< net46)) (== netstandard1.3)
      System.Runtime (>= 4.3) - restriction: || (&& (== net461) (< net46)) (== netstandard1.3)
      System.Threading (>= 4.3) - restriction: || (&& (== net461) (< net46)) (== netstandard1.3)
      System.Threading.Tasks (>= 4.3) - restriction: || (&& (== net461) (< net46)) (== netstandard1.3)
    System.Security.Cryptography.X509Certificates (4.3)
      System.Runtime (>= 4.3) - restriction: || (&& (== net461) (< net46)) (&& (== net461) (>= dnxcore50)) (&& (== net461) (>= netstandard1.6)) (== netstandard1.3)
      System.Runtime.Handles (>= 4.3) - restriction: || (&& (== net461) (< net46)) (&& (== net461) (>= dnxcore50)) (&& (== net461) (>= netstandard1.6)) (== netstandard1.3)
      System.Security.Cryptography.Algorithms (>= 4.3)
      System.Security.Cryptography.Encoding (>= 4.3)
    System.Text.Encoding (4.3)
      Microsoft.NETCore.Platforms (>= 1.1) - restriction: || (&& (== net461) (< net45)) (&& (== net461) (>= dnxcore50)) (== netstandard1.3)
      Microsoft.NETCore.Targets (>= 1.1) - restriction: || (&& (== net461) (< net45)) (&& (== net461) (>= dnxcore50)) (== netstandard1.3)
      System.Runtime (>= 4.3) - restriction: || (&& (== net461) (< net45)) (&& (== net461) (>= dnxcore50)) (== netstandard1.3)
    System.Text.Encoding.CodePages (4.4)
      NETStandard.Library (>= 1.6.1) - restriction: || (&& (== net461) (< net46)) (== netstandard1.3)
    System.Text.Encoding.Extensions (4.3)
      Microsoft.NETCore.Platforms (>= 1.1) - restriction: || (&& (== net461) (< net45)) (&& (== net461) (>= dnxcore50)) (== netstandard1.3)
      Microsoft.NETCore.Targets (>= 1.1) - restriction: || (&& (== net461) (< net45)) (&& (== net461) (>= dnxcore50)) (== netstandard1.3)
      System.Runtime (>= 4.3) - restriction: || (&& (== net461) (< net45)) (&& (== net461) (>= dnxcore50)) (== netstandard1.3)
      System.Text.Encoding (>= 4.3) - restriction: || (&& (== net461) (< net45)) (&& (== net461) (>= dnxcore50)) (== netstandard1.3)
    System.Text.RegularExpressions (4.3) - restriction: || (&& (== net461) (== netstandard1.3)) (&& (== net461) (< net46)) (== netstandard1.3)
      System.Runtime (>= 4.3) - restriction: || (&& (== net461) (< net45)) (&& (== net461) (>= dnxcore50)) (&& (== net461) (>= netstandard1.6)) (&& (== net461) (>= netcoreapp1.1)) (== netstandard1.3)
    System.Threading (4.3)
      System.Runtime (>= 4.3) - restriction: || (&& (== net461) (< net45)) (&& (== net461) (>= dnxcore50)) (== netstandard1.3)
      System.Threading.Tasks (>= 4.3) - restriction: || (&& (== net461) (< net45)) (&& (== net461) (>= dnxcore50)) (== netstandard1.3)
    System.Threading.Tasks (4.3)
      Microsoft.NETCore.Platforms (>= 1.1) - restriction: || (&& (== net461) (< net45)) (&& (== net461) (>= dnxcore50)) (== netstandard1.3)
      Microsoft.NETCore.Targets (>= 1.1) - restriction: || (&& (== net461) (< net45)) (&& (== net461) (>= dnxcore50)) (== netstandard1.3)
      System.Runtime (>= 4.3) - restriction: || (&& (== net461) (< net45)) (&& (== net461) (>= dnxcore50)) (== netstandard1.3)
    System.Threading.Tasks.Extensions (4.4) - restriction: || (&& (== net461) (== netstandard1.3)) (&& (== net461) (< net45)) (&& (== net461) (>= dnxcore50)) (== netstandard1.3)
      System.Collections (>= 4.3)
      System.Runtime (>= 4.3)
      System.Threading.Tasks (>= 4.3)
    System.Threading.Tasks.Parallel (4.3)
      System.Collections.Concurrent (>= 4.3) - restriction: || (&& (== net461) (< net45)) (&& (== net461) (>= dnxcore50)) (== netstandard1.3)
      System.Diagnostics.Debug (>= 4.3) - restriction: || (&& (== net461) (< net45)) (&& (== net461) (>= dnxcore50)) (== netstandard1.3)
      System.Diagnostics.Tracing (>= 4.3) - restriction: || (&& (== net461) (< net45)) (&& (== net461) (>= dnxcore50)) (== netstandard1.3)
      System.Resources.ResourceManager (>= 4.3) - restriction: || (&& (== net461) (< net45)) (&& (== net461) (>= dnxcore50)) (== netstandard1.3)
      System.Runtime (>= 4.3) - restriction: || (&& (== net461) (< net45)) (&& (== net461) (>= dnxcore50)) (== netstandard1.3)
      System.Runtime.Extensions (>= 4.3) - restriction: || (&& (== net461) (< net45)) (&& (== net461) (>= dnxcore50)) (== netstandard1.3)
      System.Threading (>= 4.3) - restriction: || (&& (== net461) (< net45)) (&& (== net461) (>= dnxcore50)) (== netstandard1.3)
      System.Threading.Tasks (>= 4.3) - restriction: || (&& (== net461) (< net45)) (&& (== net461) (>= dnxcore50)) (== netstandard1.3)
    System.Threading.Thread (4.3)
      System.Runtime (>= 4.3) - restriction: || (&& (== net461) (< net46)) (== netstandard1.3)
    System.Threading.Timer (4.3) - restriction: || (&& (== net461) (== netstandard1.3)) (&& (== net461) (< net45)) (&& (== net461) (>= uap10.0)) (&& (== net461) (>= netstandard1.6)) (== netstandard1.3)
      Microsoft.NETCore.Platforms (>= 1.1) - restriction: || (&& (== net461) (< net451)) (&& (== net461) (>= dnxcore50)) (== netstandard1.3)
      Microsoft.NETCore.Targets (>= 1.1) - restriction: || (&& (== net461) (< net451)) (&& (== net461) (>= dnxcore50)) (== netstandard1.3)
      System.Runtime (>= 4.3) - restriction: || (&& (== net461) (< net451)) (&& (== net461) (>= dnxcore50)) (== netstandard1.3)
    System.ValueTuple (4.4)
      NETStandard.Library (>= 1.6.1) - restriction: == netstandard1.3
    System.Xml.ReaderWriter (4.3)
      System.Collections (>= 4.3) - restriction: || (&& (== net461) (< net45)) (&& (== net461) (>= dnxcore50)) (== netstandard1.3)
      System.Diagnostics.Debug (>= 4.3) - restriction: || (&& (== net461) (< net45)) (&& (== net461) (>= dnxcore50)) (== netstandard1.3)
      System.Globalization (>= 4.3) - restriction: || (&& (== net461) (< net45)) (&& (== net461) (>= dnxcore50)) (== netstandard1.3)
      System.IO (>= 4.3) - restriction: || (&& (== net461) (< net45)) (&& (== net461) (>= dnxcore50)) (== netstandard1.3)
      System.IO.FileSystem (>= 4.3) - restriction: || (&& (== net461) (< net45)) (&& (== net461) (>= dnxcore50)) (== netstandard1.3)
      System.IO.FileSystem.Primitives (>= 4.3) - restriction: || (&& (== net461) (< net45)) (&& (== net461) (>= dnxcore50)) (== netstandard1.3)
      System.Resources.ResourceManager (>= 4.3) - restriction: || (&& (== net461) (< net45)) (&& (== net461) (>= dnxcore50)) (== netstandard1.3)
      System.Runtime (>= 4.3) - restriction: || (&& (== net461) (< net45)) (&& (== net461) (>= dnxcore50)) (== netstandard1.3)
      System.Runtime.Extensions (>= 4.3) - restriction: || (&& (== net461) (< net45)) (&& (== net461) (>= dnxcore50)) (== netstandard1.3)
      System.Runtime.InteropServices (>= 4.3) - restriction: || (&& (== net461) (< net45)) (&& (== net461) (>= dnxcore50)) (== netstandard1.3)
      System.Text.Encoding (>= 4.3) - restriction: || (&& (== net461) (< net45)) (&& (== net461) (>= dnxcore50)) (== netstandard1.3)
      System.Text.Encoding.Extensions (>= 4.3) - restriction: || (&& (== net461) (< net45)) (&& (== net461) (>= dnxcore50)) (== netstandard1.3)
      System.Text.RegularExpressions (>= 4.3) - restriction: || (&& (== net461) (< net45)) (&& (== net461) (>= dnxcore50)) (== netstandard1.3)
      System.Threading.Tasks (>= 4.3) - restriction: || (&& (== net461) (< net45)) (&& (== net461) (>= dnxcore50)) (== netstandard1.3)
      System.Threading.Tasks.Extensions (>= 4.3) - restriction: || (&& (== net461) (< net45)) (&& (== net461) (>= dnxcore50)) (== netstandard1.3)
    System.Xml.XDocument (4.3)
      System.Collections (>= 4.3) - restriction: || (&& (== net461) (< net45)) (&& (== net461) (>= dnxcore50)) (== netstandard1.3)
      System.Diagnostics.Debug (>= 4.3) - restriction: || (&& (== net461) (< net45)) (&& (== net461) (>= dnxcore50)) (== netstandard1.3)
      System.Diagnostics.Tools (>= 4.3) - restriction: || (&& (== net461) (< net45)) (&& (== net461) (>= dnxcore50)) (== netstandard1.3)
      System.Globalization (>= 4.3) - restriction: || (&& (== net461) (< net45)) (&& (== net461) (>= dnxcore50)) (== netstandard1.3)
      System.IO (>= 4.3) - restriction: || (&& (== net461) (< net45)) (&& (== net461) (>= dnxcore50)) (== netstandard1.3)
      System.Reflection (>= 4.3) - restriction: || (&& (== net461) (< net45)) (&& (== net461) (>= dnxcore50)) (== netstandard1.3)
      System.Resources.ResourceManager (>= 4.3) - restriction: || (&& (== net461) (< net45)) (&& (== net461) (>= dnxcore50)) (== netstandard1.3)
      System.Runtime (>= 4.3) - restriction: || (&& (== net461) (< net45)) (&& (== net461) (>= dnxcore50)) (== netstandard1.3)
      System.Runtime.Extensions (>= 4.3) - restriction: || (&& (== net461) (< net45)) (&& (== net461) (>= dnxcore50)) (== netstandard1.3)
      System.Text.Encoding (>= 4.3) - restriction: || (&& (== net461) (< net45)) (&& (== net461) (>= dnxcore50)) (== netstandard1.3)
      System.Threading (>= 4.3) - restriction: || (&& (== net461) (< net45)) (&& (== net461) (>= dnxcore50)) (== netstandard1.3)
      System.Xml.ReaderWriter (>= 4.3) - restriction: || (&& (== net461) (< net45)) (&& (== net461) (>= dnxcore50)) (== netstandard1.3)
    System.Xml.XmlDocument (4.3)
      System.Collections (>= 4.3) - restriction: || (&& (== net461) (< net46)) (== netstandard1.3)
      System.Diagnostics.Debug (>= 4.3) - restriction: || (&& (== net461) (< net46)) (== netstandard1.3)
      System.Globalization (>= 4.3) - restriction: || (&& (== net461) (< net46)) (== netstandard1.3)
      System.IO (>= 4.3) - restriction: || (&& (== net461) (< net46)) (== netstandard1.3)
      System.Resources.ResourceManager (>= 4.3) - restriction: || (&& (== net461) (< net46)) (== netstandard1.3)
      System.Runtime (>= 4.3) - restriction: || (&& (== net461) (< net46)) (== netstandard1.3)
      System.Runtime.Extensions (>= 4.3) - restriction: || (&& (== net461) (< net46)) (== netstandard1.3)
      System.Text.Encoding (>= 4.3) - restriction: || (&& (== net461) (< net46)) (== netstandard1.3)
      System.Threading (>= 4.3) - restriction: || (&& (== net461) (< net46)) (== netstandard1.3)
      System.Xml.ReaderWriter (>= 4.3) - restriction: || (&& (== net461) (< net46)) (== netstandard1.3)
    System.Xml.XPath (4.3)
      System.Collections (>= 4.3) - restriction: || (&& (== net461) (< net46)) (== netstandard1.3)
      System.Diagnostics.Debug (>= 4.3) - restriction: || (&& (== net461) (< net46)) (== netstandard1.3)
      System.Globalization (>= 4.3) - restriction: || (&& (== net461) (< net46)) (== netstandard1.3)
      System.IO (>= 4.3) - restriction: || (&& (== net461) (< net46)) (== netstandard1.3)
      System.Resources.ResourceManager (>= 4.3) - restriction: || (&& (== net461) (< net46)) (== netstandard1.3)
      System.Runtime (>= 4.3) - restriction: || (&& (== net461) (< net46)) (== netstandard1.3)
      System.Runtime.Extensions (>= 4.3) - restriction: || (&& (== net461) (< net46)) (== netstandard1.3)
      System.Threading (>= 4.3) - restriction: || (&& (== net461) (< net46)) (== netstandard1.3)
      System.Xml.ReaderWriter (>= 4.3) - restriction: || (&& (== net461) (< net46)) (== netstandard1.3)
    System.Xml.XPath.XDocument (4.3)
      System.Diagnostics.Debug (>= 4.3) - restriction: || (&& (== net461) (< net46)) (== netstandard1.3)
      System.Linq (>= 4.3) - restriction: || (&& (== net461) (< net46)) (== netstandard1.3)
      System.Resources.ResourceManager (>= 4.3) - restriction: || (&& (== net461) (< net46)) (== netstandard1.3)
      System.Runtime (>= 4.3) - restriction: || (&& (== net461) (< net46)) (== netstandard1.3)
      System.Runtime.Extensions (>= 4.3) - restriction: || (&& (== net461) (< net46)) (== netstandard1.3)
      System.Threading (>= 4.3) - restriction: || (&& (== net461) (< net46)) (== netstandard1.3)
      System.Xml.ReaderWriter (>= 4.3) - restriction: || (&& (== net461) (< net46)) (== netstandard1.3)
      System.Xml.XDocument (>= 4.3) - restriction: || (&& (== net461) (< net46)) (== netstandard1.3)
      System.Xml.XPath (>= 4.3)

GROUP Test
REDIRECTS: ON
RESTRICTION: == net461
NUGET
  remote: http://www.nuget.org/api/v2
    Castle.Core (4.1.1)
    Gu.Wpf.UiAutomation (0.1.7-dev)
    Microsoft.Reactive.Testing (3.1.1)
      System.Reactive.PlatformServices (>= 3.1.1)
    Moq (4.7.99)
      Castle.Core (>= 4.1.1)
    NUnit (3.8.1)
    System.Reactive.Core (3.1.1)
      System.Reactive.Interfaces (>= 3.1.1)
    System.Reactive.Interfaces (3.1.1)
    System.Reactive.Linq (3.1.1)
      System.Reactive.Core (>= 3.1.1)
    System.Reactive.PlatformServices (3.1.1)
      System.Reactive.Linq (>= 3.1.1)
