FRAMEWORK: >= NET45
NUGET
  remote: http://www.nuget.org/api/v2
    Gu.Wpf.ToolTips (0.2)
    JetBrains.Annotations (10.1.5)
    StyleCop.Analyzers (1.0)
    System.Reactive (3.0)
      System.Reactive.Core (>= 3.0)
      System.Reactive.Interfaces (>= 3.0)
      System.Reactive.Linq (>= 3.0)
      System.Reactive.PlatformServices (>= 3.0)
      System.Reactive.Windows.Threading (>= 3.0)
    System.Reactive.Core (3.0)
      System.Reactive.Interfaces (>= 3.0)
    System.Reactive.Interfaces (3.0)
    System.Reactive.Linq (3.0)
      System.Reactive.Core (>= 3.0) - framework: net45, >= net46
      System.Reactive.Interfaces (>= 3.0) - framework: net45, >= net46
    System.Reactive.PlatformServices (3.0)
      System.Reactive.Core (>= 3.0)
      System.Reactive.Interfaces (>= 3.0)
    System.Reactive.Windows.Threading (3.0)
      System.Reactive.Core (>= 3.0)

GROUP Test
FRAMEWORK: >= NET45
NUGET
  remote: http://www.nuget.org/api/v2
    Castle.Core (3.3.3)
    Microsoft.Reactive.Testing (3.0)
      System.Reactive.Linq (>= 3.0)
      System.Reactive.PlatformServices (>= 3.0)
      xunit.assert (>= 2.1)
    Moq (4.5.21)
      Castle.Core (>= 3.3.3)
    NUnit (3.4.1)
    System.Reactive.Core (3.0)
      System.Reactive.Interfaces (>= 3.0)
    System.Reactive.Interfaces (3.0)
    System.Reactive.Linq (3.0)
      System.Reactive.Core (>= 3.0) - framework: net45, >= net46
      System.Reactive.Interfaces (>= 3.0) - framework: net45, >= net46
    System.Reactive.PlatformServices (3.0)
      System.Reactive.Core (>= 3.0)
      System.Reactive.Interfaces (>= 3.0)
    xunit.assert (2.1)
