NUGET
  remote: http://www.nuget.org/api/v2
  specs:
    Gu.Wpf.ToolTips (0.2.0)
    JetBrains.Annotations (10.0.0)
    Moq (4.2.1510.2205)
    NUnit (2.6.4)
    Rx-Core (2.2.5)
      Rx-Interfaces (>= 2.2.5)
    Rx-Interfaces (2.2.5)
    Rx-Linq (2.2.5)
      Rx-Core (>= 2.2.5)
      Rx-Interfaces (>= 2.2.5)
    Rx-Main (2.2.5)
      Rx-Core (>= 2.2.5)
      Rx-Interfaces (>= 2.2.5)
      Rx-Linq (>= 2.2.5)
      Rx-PlatformServices (>= 2.2.5)
    Rx-PlatformServices (2.2.5)
      Rx-Core (>= 2.2.5)
      Rx-Interfaces (>= 2.2.5)
    Rx-Testing (2.2.5)
      Rx-Main (>= 2.2.5)
    Rx-WPF (2.2.5)
      Rx-Xaml (>= 2.2.5)
    Rx-Xaml (2.2.5)
      Rx-Main (>= 2.2.5)
