FRAMEWORK: >= NET45
NUGET
  remote: http://www.nuget.org/api/v2
    Gu.Wpf.ToolTips (0.2)
    JetBrains.Annotations (10.1.5)
    StyleCop.Analyzers (1.0)
    System.Reactive (3.0)
      System.Reactive.Core (>= 3.0)
      System.Reactive.Interfaces (>= 3.0)
      System.Reactive.Linq (>= 3.0)
      System.Reactive.PlatformServices (>= 3.0)
      System.Reactive.Windows.Threading (>= 3.0)
    System.Reactive.Core (3.0)
      System.Reactive.Interfaces (>= 3.0)
    System.Reactive.Interfaces (3.0)
    System.Reactive.Linq (3.0)
      System.Reactive.Core (>= 3.0) - framework: net45, >= net46
      System.Reactive.Interfaces (>= 3.0) - framework: net45, >= net46
    System.Reactive.PlatformServices (3.0)
      System.Reactive.Core (>= 3.0)
      System.Reactive.Interfaces (>= 3.0)
    System.Reactive.Windows.Threading (3.0)
      System.Reactive.Core (>= 3.0)

GROUP Test
FRAMEWORK: >= NET45
NUGET
  remote: http://www.nuget.org/api/v2
    BenchmarkDotNet (0.9.9)
      BenchmarkDotNet.Toolchains.Roslyn (>= 0.9.9)
    BenchmarkDotNet.Core (0.9.9)
      System.Threading.Tasks.Extensions (>= 4.0)
    BenchmarkDotNet.Diagnostics.Windows (0.9.9)
      BenchmarkDotNet (>= 0.9.9)
      Microsoft.Diagnostics.Tracing.TraceEvent (>= 1.0.41)
    BenchmarkDotNet.Toolchains.Roslyn (0.9.9)
      BenchmarkDotNet.Core (>= 0.9.9)
      Microsoft.CodeAnalysis.CSharp (>= 1.3.2)
      System.Threading.Tasks (>= 4.0)
    Castle.Core (3.3.3)
    Microsoft.CodeAnalysis.Common (1.3.2)
    Microsoft.CodeAnalysis.CSharp (1.3.2)
      Microsoft.CodeAnalysis.Common (1.3.2)
    Microsoft.Diagnostics.Tracing.TraceEvent (1.0.41)
    Microsoft.Reactive.Testing (3.0)
      System.Reactive.Linq (>= 3.0)
      System.Reactive.PlatformServices (>= 3.0)
      xunit.assert (>= 2.1)
    Moq (4.5.21)
      Castle.Core (>= 3.3.3)
    NUnit (3.4.1)
    System.Collections.Immutable (1.2)
    System.Reactive.Core (3.0)
      System.Reactive.Interfaces (>= 3.0)
    System.Reactive.Interfaces (3.0)
    System.Reactive.Linq (3.0)
      System.Reactive.Core (>= 3.0) - framework: net45, >= net46
      System.Reactive.Interfaces (>= 3.0) - framework: net45, >= net46
    System.Reactive.PlatformServices (3.0)
      System.Reactive.Core (>= 3.0)
      System.Reactive.Interfaces (>= 3.0)
    System.Reflection.Metadata (1.2)
      System.Collections.Immutable (>= 1.1.37)
    System.Threading.Tasks (4.0.11)
    System.Threading.Tasks.Extensions (4.0)
    xunit.assert (2.1)
