FRAMEWORK: >= NET45
NUGET
  remote: http://www.nuget.org/api/v2
    Gu.Wpf.ToolTips (0.2.0.1)
    System.Reactive (3.1.1)
      System.Reactive.PlatformServices (>= 3.1.1)
      System.Reactive.Windows.Threading (>= 3.1.1)
    System.Reactive.Core (3.1.1)
      System.Reactive.Interfaces (>= 3.1.1)
    System.Reactive.Interfaces (3.1.1)
    System.Reactive.Linq (3.1.1)
      System.Reactive.Core (>= 3.1.1)
    System.Reactive.PlatformServices (3.1.1)
      System.Reactive.Linq (>= 3.1.1)
    System.Reactive.Windows.Threading (3.1.1)
      System.Reactive.Core (>= 3.1.1)

GROUP Analyzers
FRAMEWORK: >= NET45
NUGET
  remote: http://www.nuget.org/api/v2
    Gu.Analyzers (0.1.11.14-dev)
    JetBrains.Annotations (10.4)
    StyleCop.Analyzers (1.0)
    WpfAnalyzers (0.2.7.8)

GROUP Benchmark
FRAMEWORK: >= NET45
NUGET
  remote: http://www.nuget.org/api/v2
    BenchmarkDotNet (0.10.3)
      BenchmarkDotNet.Core (>= 0.10.3)
      BenchmarkDotNet.Toolchains.Roslyn (>= 0.10.3)
    BenchmarkDotNet.Core (0.10.3)
      System.Threading.Tasks.Extensions (>= 4.3)
    BenchmarkDotNet.Diagnostics.Windows (0.10.3)
      BenchmarkDotNet (>= 0.10.3)
      Microsoft.Diagnostics.Tracing.TraceEvent (>= 1.0.41)
    BenchmarkDotNet.Toolchains.Roslyn (0.10.3)
      BenchmarkDotNet.Core (>= 0.10.3)
      Microsoft.CodeAnalysis.CSharp (>= 1.3.2)
      System.Threading.Tasks (>= 4.0.11)
    Microsoft.CodeAnalysis.Analyzers (1.1) - framework: >= net46
    Microsoft.CodeAnalysis.Common (2.0)
      Microsoft.CodeAnalysis.Analyzers (>= 1.1) - framework: >= net46
      System.AppContext (>= 4.3) - framework: >= net46
      System.Collections (>= 4.3) - framework: >= net46
      System.Collections.Concurrent (>= 4.3) - framework: >= net46
      System.Collections.Immutable (>= 1.3.1) - framework: >= net46
      System.Console (>= 4.3) - framework: >= net46
      System.Diagnostics.Debug (>= 4.3) - framework: >= net46
      System.Diagnostics.FileVersionInfo (>= 4.3) - framework: >= net46
      System.Diagnostics.StackTrace (>= 4.3) - framework: >= net46
      System.Diagnostics.Tools (>= 4.3) - framework: >= net46
      System.Dynamic.Runtime (>= 4.3) - framework: >= net46
      System.Globalization (>= 4.3) - framework: >= net46
      System.IO.Compression (>= 4.3) - framework: >= net46
      System.IO.FileSystem (>= 4.3) - framework: >= net46
      System.IO.FileSystem.Primitives (>= 4.3) - framework: >= net46
      System.Linq (>= 4.3) - framework: >= net46
      System.Linq.Expressions (>= 4.3) - framework: >= net46
      System.Reflection (>= 4.3) - framework: >= net46
      System.Reflection.Metadata (>= 1.4.2) - framework: >= net46
      System.Resources.ResourceManager (>= 4.3) - framework: >= net46
      System.Runtime (>= 4.3) - framework: >= net46
      System.Runtime.Extensions (>= 4.3) - framework: >= net46
      System.Runtime.InteropServices (>= 4.3) - framework: >= net46
      System.Runtime.Numerics (>= 4.3) - framework: >= net46
      System.Security.Cryptography.Algorithms (>= 4.3) - framework: >= net46
      System.Security.Cryptography.Encoding (>= 4.3) - framework: >= net46
      System.Security.Cryptography.X509Certificates (>= 4.3) - framework: >= net46
      System.Text.Encoding (>= 4.3) - framework: >= net46
      System.Text.Encoding.CodePages (>= 4.3) - framework: >= net46
      System.Text.Encoding.Extensions (>= 4.3) - framework: >= net46
      System.Threading (>= 4.3) - framework: >= net46
      System.Threading.Tasks (>= 4.3) - framework: >= net46
      System.Threading.Tasks.Parallel (>= 4.3) - framework: >= net46
      System.Threading.Thread (>= 4.3) - framework: >= net46
      System.ValueTuple (>= 4.3) - framework: >= net46
      System.Xml.ReaderWriter (>= 4.3) - framework: >= net46
      System.Xml.XDocument (>= 4.3) - framework: >= net46
      System.Xml.XmlDocument (>= 4.3) - framework: >= net46
      System.Xml.XPath.XDocument (>= 4.3) - framework: >= net46
    Microsoft.CodeAnalysis.CSharp (2.0)
      Microsoft.CodeAnalysis.Common (2.0)
    Microsoft.Diagnostics.Tracing.TraceEvent (1.0.41)
    System.AppContext (4.3) - framework: >= net46
    System.Collections (4.3) - framework: >= net46
    System.Collections.Concurrent (4.3) - framework: >= net46
    System.Collections.Immutable (1.3.1)
    System.Console (4.3) - framework: >= net46
    System.Diagnostics.Debug (4.3) - framework: >= net46
    System.Diagnostics.FileVersionInfo (4.3) - framework: >= net46
    System.Diagnostics.StackTrace (4.3) - framework: >= net46
    System.Diagnostics.Tools (4.3) - framework: >= net46
    System.Dynamic.Runtime (4.3) - framework: >= net46
    System.Globalization (4.3) - framework: >= net46
    System.IO (4.3) - framework: >= net463
    System.IO.Compression (4.3) - framework: >= net46
    System.IO.FileSystem (4.3) - framework: >= net46
      System.IO.FileSystem.Primitives (>= 4.3) - framework: >= net46
    System.IO.FileSystem.Primitives (4.3)
    System.Linq (4.3) - framework: >= net46
    System.Linq.Expressions (4.3) - framework: >= net46
    System.Reflection (4.3) - framework: >= net46
    System.Reflection.Metadata (1.4.2) - framework: >= net46
      System.Collections.Immutable (>= 1.3.1)
    System.Resources.ResourceManager (4.3) - framework: >= net46
    System.Runtime (4.3)
    System.Runtime.Extensions (4.3) - framework: >= net46
    System.Runtime.InteropServices (4.3) - framework: >= net46
      System.Runtime (>= 4.3) - framework: >= net462
    System.Runtime.Numerics (4.3) - framework: >= net46
    System.Security.Cryptography.Algorithms (4.3) - framework: >= net46
      System.IO (>= 4.3) - framework: >= net463
      System.Runtime (>= 4.3) - framework: >= net463
      System.Security.Cryptography.Encoding (>= 4.3) - framework: >= net463
      System.Security.Cryptography.Primitives (>= 4.3) - framework: net46, net461, >= net463
    System.Security.Cryptography.Encoding (4.3)
    System.Security.Cryptography.Primitives (4.3) - framework: net46, net461, >= net463
    System.Security.Cryptography.X509Certificates (4.3) - framework: >= net46
      System.Security.Cryptography.Algorithms (>= 4.3) - framework: >= net46
      System.Security.Cryptography.Encoding (>= 4.3) - framework: >= net46
    System.Text.Encoding (4.3) - framework: >= net46
    System.Text.Encoding.CodePages (4.3) - framework: >= net46
    System.Text.Encoding.Extensions (4.3) - framework: >= net46
    System.Threading (4.3) - framework: >= net46
    System.Threading.Tasks (4.3)
    System.Threading.Tasks.Extensions (4.3)
    System.Threading.Tasks.Parallel (4.3) - framework: >= net46
    System.Threading.Thread (4.3) - framework: >= net46
    System.ValueTuple (4.3) - framework: >= net46
    System.Xml.ReaderWriter (4.3) - framework: >= net46
    System.Xml.XDocument (4.3) - framework: >= net46
    System.Xml.XmlDocument (4.3) - framework: >= net46
    System.Xml.XPath (4.3) - framework: >= net46
    System.Xml.XPath.XDocument (4.3) - framework: >= net46
      System.Xml.XPath (>= 4.3) - framework: >= net46

GROUP Test
FRAMEWORK: >= NET45
NUGET
  remote: http://www.nuget.org/api/v2
    Castle.Core (4.0)
    FlaUI.Core (0.6.2)
    FlaUI.UIA3 (0.6.2)
      FlaUI.Core (>= 0.6.2)
    Microsoft.Reactive.Testing (3.1.1)
      System.Reactive.PlatformServices (>= 3.1.1)
    Microsoft.Win32.Primitives (4.3) - framework: >= net463
    Moq (4.7.1)
      Castle.Core (>= 4.0)
    NETStandard.Library (1.6.1) - framework: >= net463
      Microsoft.Win32.Primitives (>= 4.3) - framework: >= net46
      System.AppContext (>= 4.3) - framework: >= net46
      System.Collections.Concurrent (>= 4.3)
      System.Console (>= 4.3) - framework: >= net46
      System.Diagnostics.Tracing (>= 4.3)
      System.Globalization.Calendars (>= 4.3) - framework: >= net46
      System.IO.Compression (>= 4.3)
      System.IO.Compression.ZipFile (>= 4.3) - framework: >= net46
      System.IO.FileSystem (>= 4.3) - framework: >= net46
      System.IO.FileSystem.Primitives (>= 4.3) - framework: >= net46
      System.Net.Http (>= 4.3)
      System.Net.Sockets (>= 4.3) - framework: >= net46
      System.Runtime.Handles (>= 4.3) - framework: >= net46
      System.Runtime.InteropServices (>= 4.3)
      System.Runtime.InteropServices.RuntimeInformation (>= 4.3)
      System.Runtime.Numerics (>= 4.3)
      System.Security.Cryptography.Algorithms (>= 4.3) - framework: >= net46
      System.Security.Cryptography.Encoding (>= 4.3) - framework: >= net46
      System.Security.Cryptography.Primitives (>= 4.3) - framework: >= net46
      System.Security.Cryptography.X509Certificates (>= 4.3) - framework: >= net46
      System.Threading.Timer (>= 4.3) - framework: >= net451
    NUnit (3.6.1)
      NETStandard.Library (>= 1.6) - framework: >= net463
      System.Runtime.Loader (>= 4.0) - framework: >= net463
    System.AppContext (4.3) - framework: >= net463
    System.Collections.Concurrent (4.3) - framework: >= net463
    System.Console (4.3) - framework: >= net463
    System.Diagnostics.Tracing (4.3) - framework: >= net463
    System.Globalization.Calendars (4.3) - framework: >= net463
    System.IO (4.3) - framework: >= net463
    System.IO.Compression (4.3) - framework: >= net463
    System.IO.Compression.ZipFile (4.3) - framework: >= net463
    System.IO.FileSystem (4.3) - framework: >= net463
      System.IO.FileSystem.Primitives (>= 4.3) - framework: >= net46
    System.IO.FileSystem.Primitives (4.3)
    System.Net.Http (4.3.1) - framework: >= net463
      System.Security.Cryptography.X509Certificates (>= 4.3) - framework: >= net46
    System.Net.Sockets (4.3) - framework: >= net463
    System.Reactive.Core (3.1.1)
      System.Reactive.Interfaces (>= 3.1.1)
    System.Reactive.Interfaces (3.1.1)
    System.Reactive.Linq (3.1.1)
      System.Reactive.Core (>= 3.1.1)
    System.Reactive.PlatformServices (3.1.1)
      System.Reactive.Linq (>= 3.1.1)
    System.Runtime (4.3)
    System.Runtime.Handles (4.3) - framework: >= net463
    System.Runtime.InteropServices (4.3) - framework: >= net463
      System.Runtime (>= 4.3) - framework: >= net462
    System.Runtime.InteropServices.RuntimeInformation (4.3) - framework: >= net463
    System.Runtime.Loader (4.3) - framework: >= net463
    System.Runtime.Numerics (4.3) - framework: >= net463
    System.Security.Cryptography.Algorithms (4.3)
      System.IO (>= 4.3) - framework: >= net463
      System.Runtime (>= 4.3) - framework: >= net463
      System.Security.Cryptography.Encoding (>= 4.3) - framework: >= net463
      System.Security.Cryptography.Primitives (>= 4.3) - framework: net46, net461, >= net463
    System.Security.Cryptography.Encoding (4.3)
    System.Security.Cryptography.Primitives (4.3)
    System.Security.Cryptography.X509Certificates (4.3)
      System.Security.Cryptography.Algorithms (>= 4.3) - framework: >= net46
      System.Security.Cryptography.Encoding (>= 4.3) - framework: >= net46
    System.Threading.Timer (4.3) - framework: >= net463
